RESTRICTION: || (== net462) (== netcoreapp2.0) (== netstandard2.0)
NUGET
  remote: https://api.nuget.org/v3/index.json
    dotnet-sourcelink (2.8.2) - clitool: true
      Microsoft.Extensions.CommandLineUtils (>= 1.1.1) - restriction: || (&& (== net462) (>= netcoreapp1.0)) (== netcoreapp2.0) (&& (== netstandard2.0) (>= netcoreapp1.0))
      Microsoft.NETCore.App (>= 2.0) - restriction: || (&& (== net462) (>= netcoreapp2.0)) (== netcoreapp2.0) (&& (== netstandard2.0) (>= netcoreapp2.0))
      Newtonsoft.Json (>= 10.0.3) - restriction: || (&& (== net462) (>= netcoreapp1.0)) (== netcoreapp2.0) (&& (== netstandard2.0) (>= netcoreapp1.0))
      NuGet.Packaging (>= 4.4) - restriction: || (&& (== net462) (>= netcoreapp1.0)) (== netcoreapp2.0) (&& (== netstandard2.0) (>= netcoreapp1.0))
      System.Reflection.Metadata (>= 1.5) - restriction: || (&& (== net462) (>= netcoreapp1.0)) (== netcoreapp2.0) (&& (== netstandard2.0) (>= netcoreapp1.0))
      System.ValueTuple (>= 4.4) - restriction: || (&& (== net462) (>= netcoreapp1.0)) (== netcoreapp2.0) (&& (== netstandard2.0) (>= netcoreapp1.0))
    FAKE (5.0)
    FSharp.Core (4.3.4)
    Microsoft.Extensions.CommandLineUtils (1.1.1) - restriction: || (&& (== net462) (>= netcoreapp1.0)) (== netcoreapp2.0) (&& (== netstandard2.0) (>= netcoreapp1.0))
      NETStandard.Library (>= 1.6.1) - restriction: || (&& (== net462) (< net451)) (== netcoreapp2.0) (== netstandard2.0)
    Microsoft.NETCore.App (2.1)
    Microsoft.NETCore.Platforms (2.0.2)
    Microsoft.NETCore.Targets (2.1) - restriction: || (&& (== net462) (>= netcoreapp1.0)) (== netcoreapp2.0) (&& (== netstandard2.0) (>= netcoreapp1.0))
    Microsoft.Win32.Primitives (4.3) - restriction: || (&& (== net462) (>= netcoreapp1.0)) (== netcoreapp2.0) (&& (== netstandard2.0) (>= netcoreapp1.0))
      Microsoft.NETCore.Platforms (>= 1.1) - restriction: || (&& (== net462) (< net46)) (== netcoreapp2.0) (== netstandard2.0)
      Microsoft.NETCore.Targets (>= 1.1) - restriction: || (&& (== net462) (< net46)) (== netcoreapp2.0) (== netstandard2.0)
      System.Runtime (>= 4.3) - restriction: || (&& (== net462) (< net46)) (== netcoreapp2.0) (== netstandard2.0)
    Microsoft.Win32.Registry (4.5) - restriction: || (&& (== net462) (>= netcoreapp1.0)) (== netcoreapp2.0) (&& (== netstandard2.0) (>= netcoreapp1.0))
      System.Memory (>= 4.5) - restriction: || (&& (== net462) (< net46) (>= netstandard2.0)) (&& (== net462) (>= netcoreapp2.0)) (&& (== net462) (>= uap10.1)) (== netcoreapp2.0) (== netstandard2.0)
      System.Security.AccessControl (>= 4.5)
      System.Security.Principal.Windows (>= 4.5)
    NETStandard.Library (2.0.3)
      Microsoft.NETCore.Platforms (>= 1.1)
    NetStandard.Library.NetFramework (2.0.0-preview2-25405-01)
      Microsoft.NETCore.Platforms (>= 2.0.0-preview2-25405-01) - restriction: || (== net462) (&& (== netcoreapp2.0) (>= net461)) (&& (== netstandard2.0) (>= net461))
      NETStandard.Library (>= 2.0.0-preview2-25401-01) - restriction: || (== net462) (&& (== netcoreapp2.0) (>= net461)) (&& (== netstandard2.0) (>= net461))
    Newtonsoft.Json (11.0.2) - restriction: || (&& (== net462) (>= netcoreapp1.0)) (== netcoreapp2.0) (&& (== netstandard2.0) (>= netcoreapp1.0))
    Nuget.CommandLine (4.6.2)
    NuGet.Common (4.7) - restriction: || (&& (== net462) (>= netcoreapp1.0)) (== netcoreapp2.0) (&& (== netstandard2.0) (>= netcoreapp1.0))
      NETStandard.Library (>= 1.6.1) - restriction: || (&& (== net462) (< net46) (>= netstandard1.6)) (== netcoreapp2.0) (== netstandard2.0)
      NuGet.Frameworks (>= 4.7)
      System.Diagnostics.Process (>= 4.3) - restriction: || (&& (== net462) (< net46) (>= netstandard1.6)) (== netcoreapp2.0) (== netstandard2.0)
      System.Threading.Thread (>= 4.3) - restriction: || (&& (== net462) (< net46) (>= netstandard1.6)) (== netcoreapp2.0) (== netstandard2.0)
    NuGet.Frameworks (4.7) - restriction: || (&& (== net462) (>= netcoreapp1.0)) (== netcoreapp2.0) (&& (== netstandard2.0) (>= netcoreapp1.0))
      NETStandard.Library (>= 1.6.1) - restriction: || (&& (== net462) (< net40) (>= netstandard1.6)) (== netcoreapp2.0) (== netstandard2.0)
    NuGet.Packaging (4.7) - restriction: || (&& (== net462) (>= netcoreapp1.0)) (== netcoreapp2.0) (&& (== netstandard2.0) (>= netcoreapp1.0))
      NETStandard.Library (>= 1.6.1) - restriction: || (&& (== net462) (< net46) (>= netstandard1.6)) (== netcoreapp2.0) (== netstandard2.0)
      Newtonsoft.Json (>= 9.0.1)
      NuGet.Packaging.Core (>= 4.7)
      System.Dynamic.Runtime (>= 4.3) - restriction: || (&& (== net462) (< net46) (>= netstandard1.6)) (== netcoreapp2.0) (== netstandard2.0)
    NuGet.Packaging.Core (4.7) - restriction: || (&& (== net462) (>= netcoreapp1.0)) (== netcoreapp2.0) (&& (== netstandard2.0) (>= netcoreapp1.0))
      NETStandard.Library (>= 1.6.1) - restriction: || (&& (== net462) (< net46) (>= netstandard1.6)) (== netcoreapp2.0) (== netstandard2.0)
      NuGet.Common (>= 4.7)
      NuGet.Versioning (>= 4.7)
    NuGet.Versioning (4.7) - restriction: || (&& (== net462) (>= netcoreapp1.0)) (== netcoreapp2.0) (&& (== netstandard2.0) (>= netcoreapp1.0))
      NETStandard.Library (>= 1.6.1) - restriction: || (&& (== net462) (< net46) (>= netstandard1.6)) (== netcoreapp2.0) (== netstandard2.0)
    Octokit (0.29)
      NETStandard.Library (>= 1.6) - restriction: || (&& (== net462) (< net45)) (== netcoreapp2.0) (== netstandard2.0)
    runtime.native.System (4.3) - restriction: || (&& (== net462) (>= netcoreapp1.0)) (== netcoreapp2.0) (&& (== netstandard2.0) (>= netcoreapp1.0))
      Microsoft.NETCore.Platforms (>= 1.1)
      Microsoft.NETCore.Targets (>= 1.1)
    SourceLink.Create.CommandLine (2.8.2)
    SourceLink.Embed.PaketFiles (2.8.2)
    System.Collections (4.3) - restriction: || (&& (== net462) (>= netcoreapp1.0)) (== netcoreapp2.0) (&& (== netstandard2.0) (>= netcoreapp1.0))
      Microsoft.NETCore.Platforms (>= 1.1) - restriction: || (&& (== net462) (>= dnxcore50)) (&& (== net462) (< net45)) (== netcoreapp2.0) (== netstandard2.0)
      Microsoft.NETCore.Targets (>= 1.1) - restriction: || (&& (== net462) (>= dnxcore50)) (&& (== net462) (< net45)) (== netcoreapp2.0) (== netstandard2.0)
      System.Runtime (>= 4.3) - restriction: || (&& (== net462) (>= dnxcore50)) (&& (== net462) (< net45)) (== netcoreapp2.0) (== netstandard2.0)
    System.Collections.Immutable (1.5) - restriction: || (&& (== net462) (>= netcoreapp1.0)) (== netcoreapp2.0) (&& (== netstandard2.0) (>= netcoreapp1.0))
    System.Diagnostics.Debug (4.3) - restriction: || (&& (== net462) (>= netcoreapp1.0)) (== netcoreapp2.0) (&& (== netstandard2.0) (>= netcoreapp1.0))
      Microsoft.NETCore.Platforms (>= 1.1) - restriction: || (&& (== net462) (>= dnxcore50)) (&& (== net462) (< net45)) (== netcoreapp2.0) (== netstandard2.0)
      Microsoft.NETCore.Targets (>= 1.1) - restriction: || (&& (== net462) (>= dnxcore50)) (&& (== net462) (< net45)) (== netcoreapp2.0) (== netstandard2.0)
      System.Runtime (>= 4.3) - restriction: || (&& (== net462) (>= dnxcore50)) (&& (== net462) (< net45)) (== netcoreapp2.0) (== netstandard2.0)
    System.Diagnostics.Process (4.3) - restriction: || (&& (== net462) (>= netcoreapp1.0)) (== netcoreapp2.0) (&& (== netstandard2.0) (>= netcoreapp1.0))
      Microsoft.NETCore.Platforms (>= 1.1) - restriction: || (&& (== net462) (< net46)) (== netcoreapp2.0) (== netstandard2.0)
      Microsoft.Win32.Primitives (>= 4.3) - restriction: || (&& (== net462) (< net46)) (== netcoreapp2.0) (== netstandard2.0)
      Microsoft.Win32.Registry (>= 4.3) - restriction: || (&& (== net462) (< net46)) (== netcoreapp2.0) (== netstandard2.0)
      runtime.native.System (>= 4.3) - restriction: || (&& (== net462) (< net46)) (== netcoreapp2.0) (== netstandard2.0)
      System.Collections (>= 4.3) - restriction: || (&& (== net462) (< net46)) (== netcoreapp2.0) (== netstandard2.0)
      System.Diagnostics.Debug (>= 4.3) - restriction: || (&& (== net462) (< net46)) (== netcoreapp2.0) (== netstandard2.0)
      System.Globalization (>= 4.3) - restriction: || (&& (== net462) (< net46)) (== netcoreapp2.0) (== netstandard2.0)
      System.IO (>= 4.3) - restriction: || (&& (== net462) (< net46)) (== netcoreapp2.0) (== netstandard2.0)
      System.IO.FileSystem (>= 4.3) - restriction: || (&& (== net462) (< net46)) (== netcoreapp2.0) (== netstandard2.0)
      System.IO.FileSystem.Primitives (>= 4.3) - restriction: || (&& (== net462) (< net46)) (== netcoreapp2.0) (== netstandard2.0)
      System.Resources.ResourceManager (>= 4.3) - restriction: || (&& (== net462) (< net46)) (== netcoreapp2.0) (== netstandard2.0)
      System.Runtime (>= 4.3) - restriction: || (&& (== net462) (< net46)) (== netcoreapp2.0) (== netstandard2.0)
      System.Runtime.Extensions (>= 4.3) - restriction: || (&& (== net462) (< net46)) (== netcoreapp2.0) (== netstandard2.0)
      System.Runtime.Handles (>= 4.3) - restriction: || (&& (== net462) (< net46)) (== netcoreapp2.0) (== netstandard2.0)
      System.Runtime.InteropServices (>= 4.3) - restriction: || (&& (== net462) (< net46)) (== netcoreapp2.0) (== netstandard2.0)
      System.Text.Encoding (>= 4.3) - restriction: || (&& (== net462) (< net46)) (== netcoreapp2.0) (== netstandard2.0)
      System.Text.Encoding.Extensions (>= 4.3) - restriction: || (&& (== net462) (< net46)) (== netcoreapp2.0) (== netstandard2.0)
      System.Threading (>= 4.3) - restriction: || (&& (== net462) (< net46)) (== netcoreapp2.0) (== netstandard2.0)
      System.Threading.Tasks (>= 4.3) - restriction: || (&& (== net462) (< net46)) (== netcoreapp2.0) (== netstandard2.0)
      System.Threading.Thread (>= 4.3) - restriction: || (&& (== net462) (< net46)) (== netcoreapp2.0) (== netstandard2.0)
      System.Threading.ThreadPool (>= 4.3) - restriction: || (&& (== net462) (< net46)) (== netcoreapp2.0) (== netstandard2.0)
    System.Dynamic.Runtime (4.3) - restriction: || (&& (== net462) (>= netcoreapp1.0)) (== netcoreapp2.0) (&& (== netstandard2.0) (>= netcoreapp1.0))
      System.Collections (>= 4.3) - restriction: || (&& (== net462) (>= dnxcore50)) (&& (== net462) (< net45)) (== netcoreapp2.0) (== netstandard2.0)
      System.Diagnostics.Debug (>= 4.3) - restriction: || (&& (== net462) (>= dnxcore50)) (&& (== net462) (< net45)) (== netcoreapp2.0) (== netstandard2.0)
      System.Linq (>= 4.3) - restriction: || (&& (== net462) (>= dnxcore50)) (&& (== net462) (< net45)) (== netcoreapp2.0) (== netstandard2.0)
      System.Linq.Expressions (>= 4.3) - restriction: || (&& (== net462) (>= dnxcore50)) (&& (== net462) (< net45)) (== netcoreapp2.0) (== netstandard2.0)
      System.ObjectModel (>= 4.3) - restriction: || (&& (== net462) (>= dnxcore50)) (&& (== net462) (< net45)) (== netcoreapp2.0) (== netstandard2.0)
      System.Reflection (>= 4.3) - restriction: || (&& (== net462) (>= dnxcore50)) (&& (== net462) (< net45)) (== netcoreapp2.0) (== netstandard2.0)
      System.Reflection.Emit (>= 4.3) - restriction: || (&& (== net462) (< net45)) (== netcoreapp2.0) (== netstandard2.0)
      System.Reflection.Emit.ILGeneration (>= 4.3) - restriction: || (&& (== net462) (< net45)) (== netcoreapp2.0) (== netstandard2.0)
      System.Reflection.Primitives (>= 4.3) - restriction: || (&& (== net462) (< net45)) (== netcoreapp2.0) (== netstandard2.0)
      System.Reflection.TypeExtensions (>= 4.3) - restriction: || (&& (== net462) (>= dnxcore50)) (&& (== net462) (< net45)) (== netcoreapp2.0) (== netstandard2.0)
      System.Resources.ResourceManager (>= 4.3) - restriction: || (&& (== net462) (>= dnxcore50)) (&& (== net462) (< net45)) (== netcoreapp2.0) (== netstandard2.0)
      System.Runtime (>= 4.3) - restriction: || (&& (== net462) (>= dnxcore50)) (&& (== net462) (< net45)) (== netcoreapp2.0) (== netstandard2.0)
      System.Runtime.Extensions (>= 4.3) - restriction: || (&& (== net462) (>= dnxcore50)) (&& (== net462) (< net45)) (== netcoreapp2.0) (== netstandard2.0)
      System.Threading (>= 4.3) - restriction: || (&& (== net462) (>= dnxcore50)) (&& (== net462) (< net45)) (== netcoreapp2.0) (== netstandard2.0)
    System.Globalization (4.3) - restriction: || (&& (== net462) (>= netcoreapp1.0)) (== netcoreapp2.0) (&& (== netstandard2.0) (>= netcoreapp1.0))
      Microsoft.NETCore.Platforms (>= 1.1) - restriction: || (&& (== net462) (>= dnxcore50)) (&& (== net462) (< net45)) (== netcoreapp2.0) (== netstandard2.0)
      Microsoft.NETCore.Targets (>= 1.1) - restriction: || (&& (== net462) (>= dnxcore50)) (&& (== net462) (< net45)) (== netcoreapp2.0) (== netstandard2.0)
      System.Runtime (>= 4.3) - restriction: || (&& (== net462) (>= dnxcore50)) (&& (== net462) (< net45)) (== netcoreapp2.0) (== netstandard2.0)
    System.IO (4.3) - restriction: || (&& (== net462) (>= netcoreapp1.0)) (== netcoreapp2.0) (&& (== netstandard2.0) (>= netcoreapp1.0))
      Microsoft.NETCore.Platforms (>= 1.1) - restriction: || (&& (== net462) (>= dnxcore50)) (&& (== net462) (< net45)) (== netcoreapp2.0) (== netstandard2.0)
      Microsoft.NETCore.Targets (>= 1.1) - restriction: || (&& (== net462) (>= dnxcore50)) (&& (== net462) (< net45)) (== netcoreapp2.0) (== netstandard2.0)
      System.Runtime (>= 4.3) - restriction: || (&& (== net462) (>= dnxcore50)) (&& (== net462) (< net45)) (== netcoreapp2.0) (== netstandard2.0)
      System.Text.Encoding (>= 4.3) - restriction: || (&& (== net462) (>= dnxcore50)) (&& (== net462) (< net45)) (== netcoreapp2.0) (== netstandard2.0)
      System.Threading.Tasks (>= 4.3) - restriction: || (&& (== net462) (>= dnxcore50)) (&& (== net462) (< net45)) (== netcoreapp2.0) (== netstandard2.0)
    System.IO.FileSystem (4.3) - restriction: || (&& (== net462) (>= netcoreapp1.0)) (== netcoreapp2.0) (&& (== netstandard2.0) (>= netcoreapp1.0))
      Microsoft.NETCore.Platforms (>= 1.1) - restriction: || (&& (== net462) (< net46)) (== netcoreapp2.0) (== netstandard2.0)
      Microsoft.NETCore.Targets (>= 1.1) - restriction: || (&& (== net462) (< net46)) (== netcoreapp2.0) (== netstandard2.0)
      System.IO (>= 4.3) - restriction: || (&& (== net462) (< net46)) (== netcoreapp2.0) (== netstandard2.0)
      System.IO.FileSystem.Primitives (>= 4.3)
      System.Runtime (>= 4.3) - restriction: || (&& (== net462) (< net46)) (== netcoreapp2.0) (== netstandard2.0)
      System.Runtime.Handles (>= 4.3) - restriction: || (&& (== net462) (< net46)) (== netcoreapp2.0) (== netstandard2.0)
      System.Text.Encoding (>= 4.3) - restriction: || (&& (== net462) (< net46)) (== netcoreapp2.0) (== netstandard2.0)
      System.Threading.Tasks (>= 4.3) - restriction: || (&& (== net462) (< net46)) (== netcoreapp2.0) (== netstandard2.0)
    System.IO.FileSystem.Primitives (4.3) - restriction: || (&& (== net462) (>= netcoreapp1.0)) (== netcoreapp2.0) (&& (== netstandard2.0) (>= netcoreapp1.0))
      System.Runtime (>= 4.3) - restriction: || (&& (== net462) (< net46)) (== netcoreapp2.0) (== netstandard2.0)
    System.Linq (4.3) - restriction: || (&& (== net462) (>= netcoreapp1.0)) (== netcoreapp2.0) (&& (== netstandard2.0) (>= netcoreapp1.0))
      System.Collections (>= 4.3) - restriction: || (&& (== net462) (>= dnxcore50)) (&& (== net462) (< net45)) (== netcoreapp2.0) (== netstandard2.0)
      System.Diagnostics.Debug (>= 4.3) - restriction: || (&& (== net462) (>= dnxcore50)) (&& (== net462) (< net45) (>= netstandard1.6)) (== netcoreapp2.0) (== netstandard2.0)
      System.Resources.ResourceManager (>= 4.3) - restriction: || (&& (== net462) (>= dnxcore50)) (&& (== net462) (< net45) (>= netstandard1.6)) (== netcoreapp2.0) (== netstandard2.0)
      System.Runtime (>= 4.3) - restriction: || (&& (== net462) (>= dnxcore50)) (&& (== net462) (< net45)) (== netcoreapp2.0) (== netstandard2.0)
      System.Runtime.Extensions (>= 4.3) - restriction: || (&& (== net462) (>= dnxcore50)) (&& (== net462) (< net45) (>= netstandard1.6)) (== netcoreapp2.0) (== netstandard2.0)
    System.Linq.Expressions (4.3) - restriction: || (&& (== net462) (>= netcoreapp1.0)) (== netcoreapp2.0) (&& (== netstandard2.0) (>= netcoreapp1.0))
      System.Collections (>= 4.3) - restriction: || (&& (== net462) (>= dnxcore50)) (&& (== net462) (< net45) (>= netstandard1.6)) (== netcoreapp2.0) (== netstandard2.0)
      System.Diagnostics.Debug (>= 4.3) - restriction: || (&& (== net462) (>= dnxcore50)) (&& (== net462) (< net45) (>= netstandard1.6)) (== netcoreapp2.0) (== netstandard2.0)
      System.Globalization (>= 4.3) - restriction: || (&& (== net462) (>= dnxcore50)) (&& (== net462) (< net45) (>= netstandard1.6)) (== netcoreapp2.0) (== netstandard2.0)
      System.IO (>= 4.3) - restriction: || (&& (== net462) (>= dnxcore50)) (&& (== net462) (< net45) (>= netstandard1.6)) (== netcoreapp2.0) (== netstandard2.0)
      System.Linq (>= 4.3) - restriction: || (&& (== net462) (>= dnxcore50)) (&& (== net462) (< net45) (>= netstandard1.6)) (== netcoreapp2.0) (== netstandard2.0)
      System.ObjectModel (>= 4.3) - restriction: || (&& (== net462) (< net45) (>= netstandard1.6)) (== netcoreapp2.0) (== netstandard2.0)
      System.Reflection (>= 4.3) - restriction: || (&& (== net462) (>= dnxcore50)) (&& (== net462) (< net45)) (== netcoreapp2.0) (== netstandard2.0)
      System.Reflection.Emit (>= 4.3) - restriction: || (&& (== net462) (< net45) (>= netstandard1.6)) (== netcoreapp2.0) (== netstandard2.0)
      System.Reflection.Emit.ILGeneration (>= 4.3) - restriction: || (&& (== net462) (>= dnxcore50)) (&& (== net462) (< net45) (>= netstandard1.6)) (== netcoreapp2.0) (== netstandard2.0)
      System.Reflection.Emit.Lightweight (>= 4.3) - restriction: || (&& (== net462) (>= dnxcore50)) (&& (== net462) (< net45) (>= netstandard1.6)) (== netcoreapp2.0) (== netstandard2.0)
      System.Reflection.Extensions (>= 4.3) - restriction: || (&& (== net462) (>= dnxcore50)) (&& (== net462) (< net45) (>= netstandard1.6)) (== netcoreapp2.0) (== netstandard2.0)
      System.Reflection.Primitives (>= 4.3) - restriction: || (&& (== net462) (>= dnxcore50)) (&& (== net462) (< net45) (>= netstandard1.6)) (== netcoreapp2.0) (== netstandard2.0)
      System.Reflection.TypeExtensions (>= 4.3) - restriction: || (&& (== net462) (>= dnxcore50)) (&& (== net462) (< net45) (>= netstandard1.6)) (== netcoreapp2.0) (== netstandard2.0)
      System.Resources.ResourceManager (>= 4.3) - restriction: || (&& (== net462) (>= dnxcore50)) (&& (== net462) (< net45) (>= netstandard1.6)) (== netcoreapp2.0) (== netstandard2.0)
      System.Runtime (>= 4.3) - restriction: || (&& (== net462) (>= dnxcore50)) (&& (== net462) (< net45)) (== netcoreapp2.0) (== netstandard2.0)
      System.Runtime.Extensions (>= 4.3) - restriction: || (&& (== net462) (>= dnxcore50)) (&& (== net462) (< net45) (>= netstandard1.6)) (== netcoreapp2.0) (== netstandard2.0)
      System.Threading (>= 4.3) - restriction: || (&& (== net462) (>= dnxcore50)) (&& (== net462) (< net45) (>= netstandard1.6)) (== netcoreapp2.0) (== netstandard2.0)
    System.Memory (4.5) - restriction: || (&& (== net462) (>= netcoreapp1.0) (>= netstandard2.0)) (&& (== net462) (>= netcoreapp1.0) (>= uap10.1)) (&& (== net462) (>= netcoreapp2.0)) (== netcoreapp2.0) (&& (== netstandard2.0) (>= netcoreapp1.0)) (&& (== netstandard2.0) (>= netcoreapp2.0))
      System.Runtime.CompilerServices.Unsafe (>= 4.5)
    System.ObjectModel (4.3) - restriction: || (&& (== net462) (>= netcoreapp1.0)) (== netcoreapp2.0) (&& (== netstandard2.0) (>= netcoreapp1.0))
      System.Collections (>= 4.3) - restriction: || (&& (== net462) (>= dnxcore50)) (&& (== net462) (< net45)) (== netcoreapp2.0) (== netstandard2.0)
      System.Diagnostics.Debug (>= 4.3) - restriction: || (&& (== net462) (>= dnxcore50)) (&& (== net462) (< net45)) (== netcoreapp2.0) (== netstandard2.0)
      System.Resources.ResourceManager (>= 4.3) - restriction: || (&& (== net462) (>= dnxcore50)) (&& (== net462) (< net45)) (== netcoreapp2.0) (== netstandard2.0)
      System.Runtime (>= 4.3) - restriction: || (&& (== net462) (>= dnxcore50)) (&& (== net462) (< net45)) (== netcoreapp2.0) (== netstandard2.0)
      System.Threading (>= 4.3) - restriction: || (&& (== net462) (>= dnxcore50)) (&& (== net462) (< net45)) (== netcoreapp2.0) (== netstandard2.0)
    System.Reflection (4.3) - restriction: || (&& (== net462) (>= netcoreapp1.0)) (== netcoreapp2.0) (&& (== netstandard2.0) (>= netcoreapp1.0))
      Microsoft.NETCore.Platforms (>= 1.1) - restriction: || (&& (== net462) (>= dnxcore50)) (&& (== net462) (< net45)) (== netcoreapp2.0) (== netstandard2.0)
      Microsoft.NETCore.Targets (>= 1.1) - restriction: || (&& (== net462) (>= dnxcore50)) (&& (== net462) (< net45)) (== netcoreapp2.0) (== netstandard2.0)
      System.IO (>= 4.3) - restriction: || (&& (== net462) (>= dnxcore50)) (&& (== net462) (< net45)) (== netcoreapp2.0) (== netstandard2.0)
      System.Reflection.Primitives (>= 4.3) - restriction: || (&& (== net462) (>= dnxcore50)) (&& (== net462) (< net45)) (== netcoreapp2.0) (== netstandard2.0)
      System.Runtime (>= 4.3) - restriction: || (&& (== net462) (>= dnxcore50)) (&& (== net462) (< net45)) (== netcoreapp2.0) (== netstandard2.0)
    System.Reflection.Emit (4.3) - restriction: || (&& (== net462) (>= netcoreapp1.0)) (== netcoreapp2.0) (&& (== netstandard2.0) (>= netcoreapp1.0))
      System.IO (>= 4.3) - restriction: || (&& (== net462) (< net45)) (== netcoreapp2.0) (== netstandard2.0)
      System.Reflection (>= 4.3) - restriction: || (&& (== net462) (< net45)) (== netcoreapp2.0) (== netstandard2.0)
      System.Reflection.Emit.ILGeneration (>= 4.3) - restriction: || (&& (== net462) (< net45)) (== netcoreapp2.0) (== netstandard2.0)
      System.Reflection.Primitives (>= 4.3) - restriction: || (&& (== net462) (< net45)) (== netcoreapp2.0) (== netstandard2.0)
      System.Runtime (>= 4.3) - restriction: || (&& (== net462) (< net45)) (== netcoreapp2.0) (== netstandard2.0)
    System.Reflection.Emit.ILGeneration (4.3) - restriction: || (&& (== net462) (>= netcoreapp1.0)) (== netcoreapp2.0) (&& (== netstandard2.0) (>= netcoreapp1.0))
      System.Reflection (>= 4.3) - restriction: || (&& (== net462) (< net45)) (== netcoreapp2.0) (== netstandard2.0)
      System.Reflection.Primitives (>= 4.3) - restriction: || (&& (== net462) (< net45)) (== netcoreapp2.0) (== netstandard2.0)
      System.Runtime (>= 4.3) - restriction: || (&& (== net462) (< net45)) (== netcoreapp2.0) (== netstandard2.0)
    System.Reflection.Emit.Lightweight (4.3) - restriction: || (&& (== net462) (>= netcoreapp1.0)) (== netcoreapp2.0) (&& (== netstandard2.0) (>= netcoreapp1.0))
      System.Reflection (>= 4.3) - restriction: || (&& (== net462) (< net45)) (== netcoreapp2.0) (== netstandard2.0)
      System.Reflection.Emit.ILGeneration (>= 4.3) - restriction: || (&& (== net462) (< net45)) (== netcoreapp2.0) (== netstandard2.0)
      System.Reflection.Primitives (>= 4.3) - restriction: || (&& (== net462) (< net45)) (== netcoreapp2.0) (== netstandard2.0)
      System.Runtime (>= 4.3) - restriction: || (&& (== net462) (< net45)) (== netcoreapp2.0) (== netstandard2.0)
    System.Reflection.Extensions (4.3) - restriction: || (&& (== net462) (>= netcoreapp1.0)) (== netcoreapp2.0) (&& (== netstandard2.0) (>= netcoreapp1.0))
      Microsoft.NETCore.Platforms (>= 1.1) - restriction: || (&& (== net462) (>= dnxcore50)) (&& (== net462) (< net45)) (== netcoreapp2.0) (== netstandard2.0)
      Microsoft.NETCore.Targets (>= 1.1) - restriction: || (&& (== net462) (>= dnxcore50)) (&& (== net462) (< net45)) (== netcoreapp2.0) (== netstandard2.0)
      System.Reflection (>= 4.3) - restriction: || (&& (== net462) (>= dnxcore50)) (&& (== net462) (< net45)) (== netcoreapp2.0) (== netstandard2.0)
      System.Runtime (>= 4.3) - restriction: || (&& (== net462) (>= dnxcore50)) (&& (== net462) (< net45)) (== netcoreapp2.0) (== netstandard2.0)
    System.Reflection.Metadata (1.6) - restriction: || (&& (== net462) (>= netcoreapp1.0)) (== netcoreapp2.0) (&& (== netstandard2.0) (>= netcoreapp1.0))
      System.Collections.Immutable (>= 1.5)
    System.Reflection.Primitives (4.3) - restriction: || (&& (== net462) (>= netcoreapp1.0)) (== netcoreapp2.0) (&& (== netstandard2.0) (>= netcoreapp1.0))
      Microsoft.NETCore.Platforms (>= 1.1) - restriction: || (&& (== net462) (>= dnxcore50)) (&& (== net462) (< net45)) (== netcoreapp2.0) (== netstandard2.0)
      Microsoft.NETCore.Targets (>= 1.1) - restriction: || (&& (== net462) (>= dnxcore50)) (&& (== net462) (< net45)) (== netcoreapp2.0) (== netstandard2.0)
      System.Runtime (>= 4.3) - restriction: || (&& (== net462) (>= dnxcore50)) (&& (== net462) (< net45)) (== netcoreapp2.0) (== netstandard2.0)
    System.Reflection.TypeExtensions (4.5) - restriction: || (&& (== net462) (>= netcoreapp1.0)) (== netcoreapp2.0) (&& (== netstandard2.0) (>= netcoreapp1.0))
    System.Resources.ResourceManager (4.3) - restriction: || (&& (== net462) (>= netcoreapp1.0)) (== netcoreapp2.0) (&& (== netstandard2.0) (>= netcoreapp1.0))
      Microsoft.NETCore.Platforms (>= 1.1) - restriction: || (&& (== net462) (>= dnxcore50)) (&& (== net462) (< net45)) (== netcoreapp2.0) (== netstandard2.0)
      Microsoft.NETCore.Targets (>= 1.1) - restriction: || (&& (== net462) (>= dnxcore50)) (&& (== net462) (< net45)) (== netcoreapp2.0) (== netstandard2.0)
      System.Globalization (>= 4.3) - restriction: || (&& (== net462) (>= dnxcore50)) (&& (== net462) (< net45)) (== netcoreapp2.0) (== netstandard2.0)
      System.Reflection (>= 4.3) - restriction: || (&& (== net462) (>= dnxcore50)) (&& (== net462) (< net45)) (== netcoreapp2.0) (== netstandard2.0)
      System.Runtime (>= 4.3) - restriction: || (&& (== net462) (>= dnxcore50)) (&& (== net462) (< net45)) (== netcoreapp2.0) (== netstandard2.0)
    System.Runtime (4.3) - restriction: || (&& (== net462) (>= netcoreapp1.0)) (== netcoreapp2.0) (&& (== netstandard2.0) (>= netcoreapp1.0))
      Microsoft.NETCore.Platforms (>= 1.1) - restriction: || (&& (== net462) (>= dnxcore50)) (&& (== net462) (< net45)) (== netcoreapp2.0) (== netstandard2.0)
      Microsoft.NETCore.Targets (>= 1.1) - restriction: || (&& (== net462) (>= dnxcore50)) (&& (== net462) (< net45)) (== netcoreapp2.0) (== netstandard2.0)
    System.Runtime.CompilerServices.Unsafe (4.5) - restriction: || (&& (== net462) (>= netcoreapp1.0) (>= netstandard2.0)) (&& (== net462) (>= netcoreapp1.0) (>= uap10.1)) (&& (== net462) (>= netcoreapp2.0)) (== netcoreapp2.0) (&& (== netstandard2.0) (>= netcoreapp1.0)) (&& (== netstandard2.0) (>= netcoreapp2.0))
    System.Runtime.Extensions (4.3) - restriction: || (&& (== net462) (>= netcoreapp1.0)) (== netcoreapp2.0) (&& (== netstandard2.0) (>= netcoreapp1.0))
      Microsoft.NETCore.Platforms (>= 1.1) - restriction: || (&& (== net462) (>= dnxcore50)) (&& (== net462) (< net45)) (== netcoreapp2.0) (== netstandard2.0)
      Microsoft.NETCore.Targets (>= 1.1) - restriction: || (&& (== net462) (>= dnxcore50)) (&& (== net462) (< net45)) (== netcoreapp2.0) (== netstandard2.0)
      System.Runtime (>= 4.3) - restriction: || (&& (== net462) (>= dnxcore50)) (&& (== net462) (< net45)) (== netcoreapp2.0) (== netstandard2.0)
    System.Runtime.Handles (4.3) - restriction: || (&& (== net462) (>= netcoreapp1.0)) (== netcoreapp2.0) (&& (== netstandard2.0) (>= netcoreapp1.0))
      Microsoft.NETCore.Platforms (>= 1.1) - restriction: || (&& (== net462) (< net46)) (== netcoreapp2.0) (== netstandard2.0)
      Microsoft.NETCore.Targets (>= 1.1) - restriction: || (&& (== net462) (< net46)) (== netcoreapp2.0) (== netstandard2.0)
      System.Runtime (>= 4.3) - restriction: || (&& (== net462) (< net46)) (== netcoreapp2.0) (== netstandard2.0)
    System.Runtime.InteropServices (4.3) - restriction: || (&& (== net462) (>= netcoreapp1.0)) (== netcoreapp2.0) (&& (== netstandard2.0) (>= netcoreapp1.0))
      Microsoft.NETCore.Platforms (>= 1.1) - restriction: || (&& (== net462) (>= dnxcore50)) (&& (== net462) (< net45)) (&& (== net462) (>= netcoreapp1.1)) (== netcoreapp2.0) (== netstandard2.0)
      Microsoft.NETCore.Targets (>= 1.1) - restriction: || (&& (== net462) (>= dnxcore50)) (&& (== net462) (< net45)) (&& (== net462) (>= netcoreapp1.1)) (== netcoreapp2.0) (== netstandard2.0)
      System.Reflection (>= 4.3) - restriction: || (&& (== net462) (>= dnxcore50)) (&& (== net462) (< net45)) (&& (== net462) (>= netcoreapp1.1)) (== netcoreapp2.0) (== netstandard2.0)
      System.Reflection.Primitives (>= 4.3) - restriction: || (&& (== net462) (>= dnxcore50)) (&& (== net462) (< net45)) (&& (== net462) (>= netcoreapp1.1)) (== netcoreapp2.0) (== netstandard2.0)
      System.Runtime (>= 4.3)
      System.Runtime.Handles (>= 4.3) - restriction: || (&& (== net462) (>= dnxcore50)) (&& (== net462) (< net45)) (&& (== net462) (>= netcoreapp1.1)) (== netcoreapp2.0) (== netstandard2.0)
    System.Security.AccessControl (4.5) - restriction: || (&& (== net462) (>= netcoreapp1.0)) (&& (== net462) (>= netcoreapp2.0)) (&& (== net462) (>= netcoreapp2.1)) (== netcoreapp2.0) (&& (== netstandard2.0) (>= netcoreapp1.0)) (&& (== netstandard2.0) (>= netcoreapp2.0)) (&& (== netstandard2.0) (>= netcoreapp2.1))
      Microsoft.NETCore.Platforms (>= 2.0) - restriction: || (&& (== net462) (>= netcoreapp2.0)) (== netcoreapp2.0) (&& (== netstandard2.0) (>= netcoreapp2.0))
      System.Security.Principal.Windows (>= 4.5)
    System.Security.Principal.Windows (4.5) - restriction: || (&& (== net462) (>= netcoreapp1.0)) (&& (== net462) (>= netcoreapp2.0)) (&& (== net462) (>= netcoreapp2.1)) (== netcoreapp2.0) (&& (== netstandard2.0) (>= netcoreapp1.0)) (&& (== netstandard2.0) (>= netcoreapp2.0)) (&& (== netstandard2.0) (>= netcoreapp2.1))
      Microsoft.NETCore.Platforms (>= 2.0) - restriction: || (&& (== net462) (>= netcoreapp2.0)) (== netcoreapp2.0) (&& (== netstandard2.0) (>= netcoreapp2.0))
    System.Text.Encoding (4.3) - restriction: || (&& (== net462) (>= netcoreapp1.0)) (== netcoreapp2.0) (&& (== netstandard2.0) (>= netcoreapp1.0))
      Microsoft.NETCore.Platforms (>= 1.1) - restriction: || (&& (== net462) (>= dnxcore50)) (&& (== net462) (< net45)) (== netcoreapp2.0) (== netstandard2.0)
      Microsoft.NETCore.Targets (>= 1.1) - restriction: || (&& (== net462) (>= dnxcore50)) (&& (== net462) (< net45)) (== netcoreapp2.0) (== netstandard2.0)
      System.Runtime (>= 4.3) - restriction: || (&& (== net462) (>= dnxcore50)) (&& (== net462) (< net45)) (== netcoreapp2.0) (== netstandard2.0)
    System.Text.Encoding.Extensions (4.3) - restriction: || (&& (== net462) (>= netcoreapp1.0)) (== netcoreapp2.0) (&& (== netstandard2.0) (>= netcoreapp1.0))
      Microsoft.NETCore.Platforms (>= 1.1) - restriction: || (&& (== net462) (>= dnxcore50)) (&& (== net462) (< net45)) (== netcoreapp2.0) (== netstandard2.0)
      Microsoft.NETCore.Targets (>= 1.1) - restriction: || (&& (== net462) (>= dnxcore50)) (&& (== net462) (< net45)) (== netcoreapp2.0) (== netstandard2.0)
      System.Runtime (>= 4.3) - restriction: || (&& (== net462) (>= dnxcore50)) (&& (== net462) (< net45)) (== netcoreapp2.0) (== netstandard2.0)
      System.Text.Encoding (>= 4.3) - restriction: || (&& (== net462) (>= dnxcore50)) (&& (== net462) (< net45)) (== netcoreapp2.0) (== netstandard2.0)
    System.Threading (4.3) - restriction: || (&& (== net462) (>= netcoreapp1.0)) (== netcoreapp2.0) (&& (== netstandard2.0) (>= netcoreapp1.0))
      System.Runtime (>= 4.3) - restriction: || (&& (== net462) (>= dnxcore50)) (&& (== net462) (< net45)) (== netcoreapp2.0) (== netstandard2.0)
      System.Threading.Tasks (>= 4.3) - restriction: || (&& (== net462) (>= dnxcore50)) (&& (== net462) (< net45)) (== netcoreapp2.0) (== netstandard2.0)
    System.Threading.Tasks (4.3) - restriction: || (&& (== net462) (>= netcoreapp1.0)) (== netcoreapp2.0) (&& (== netstandard2.0) (>= netcoreapp1.0))
      Microsoft.NETCore.Platforms (>= 1.1) - restriction: || (&& (== net462) (>= dnxcore50)) (&& (== net462) (< net45)) (== netcoreapp2.0) (== netstandard2.0)
      Microsoft.NETCore.Targets (>= 1.1) - restriction: || (&& (== net462) (>= dnxcore50)) (&& (== net462) (< net45)) (== netcoreapp2.0) (== netstandard2.0)
      System.Runtime (>= 4.3) - restriction: || (&& (== net462) (>= dnxcore50)) (&& (== net462) (< net45)) (== netcoreapp2.0) (== netstandard2.0)
    System.Threading.Thread (4.3) - restriction: || (&& (== net462) (>= netcoreapp1.0)) (== netcoreapp2.0) (&& (== netstandard2.0) (>= netcoreapp1.0))
      System.Runtime (>= 4.3) - restriction: || (&& (== net462) (< net46)) (== netcoreapp2.0) (== netstandard2.0)
    System.Threading.ThreadPool (4.3) - restriction: || (&& (== net462) (>= netcoreapp1.0)) (== netcoreapp2.0) (&& (== netstandard2.0) (>= netcoreapp1.0))
      System.Runtime (>= 4.3) - restriction: || (&& (== net462) (< net46)) (== netcoreapp2.0) (== netstandard2.0)
      System.Runtime.Handles (>= 4.3) - restriction: || (&& (== net462) (< net46)) (== netcoreapp2.0) (== netstandard2.0)
    System.ValueTuple (4.5) - restriction: || (&& (== net462) (>= netcoreapp1.0)) (== netcoreapp2.0) (&& (== netstandard2.0) (>= netcoreapp1.0))
GITHUB
  remote: fsharp/FAKE
    modules/Octokit/Octokit.fsx (6ba51f5612a914e161be2a9b642907f75e28780f)
      Octokit (>= 0.20)
  remote: fsprojects/FSharp.TypeProviders.SDK
    src/ProvidedTypes.fs (4b9ce4b75b6fd727a96378eb4c0f303638db2e71)
    src/ProvidedTypes.fsi (4b9ce4b75b6fd727a96378eb4c0f303638db2e71)
    src/ProvidedTypesTesting.fs (4b9ce4b75b6fd727a96378eb4c0f303638db2e71)
GROUP fs31
RESTRICTION: || (== net462) (== netcoreapp2.0)
NUGET
  remote: https://api.nuget.org/v3/index.json
    FSharp.Core (3.1.2.5)

GROUP fs40
RESTRICTION: || (== net462) (== netcoreapp2.0)
NUGET
  remote: https://api.nuget.org/v3/index.json
    FSharp.Core (4.0.0.1)

GROUP fs41
RESTRICTION: || (== net462) (== netcoreapp2.0)
NUGET
  remote: https://api.nuget.org/v3/index.json
    FSharp.Core (4.5)

GROUP Test
REDIRECTS: ON
RESTRICTION: || (== net462) (== netcoreapp2.0)
NUGET
  remote: https://api.nuget.org/v3/index.json
    FsCheck (2.11)
      FSharp.Core (>= 4.0.0.1) - restriction: || (== net462) (&& (== netcoreapp2.0) (>= net452)) (&& (== netcoreapp2.0) (< netstandard1.6)) (&& (== netcoreapp2.0) (< portable-net45+win8+wp8))
      FSharp.Core (>= 4.3.4) - restriction: || (&& (== net462) (< net452) (>= netstandard1.6)) (== netcoreapp2.0)
      NETStandard.Library (>= 1.6.1) - restriction: || (&& (== net462) (< net452) (>= netstandard1.6)) (== netcoreapp2.0)
      System.ValueTuple (>= 4.5) - restriction: || (&& (== net462) (< net452) (>= netstandard1.6)) (== netcoreapp2.0)
    FSharp.Charting (0.91.1)
    FSharp.Compiler.Service (22.0.3)
      FSharp.Core (>= 4.1.18)
      Microsoft.DiaSymReader (>= 1.1)
      Microsoft.DiaSymReader.PortablePdb (>= 1.2)
      System.Collections.Immutable (>= 1.3.1)
      System.Diagnostics.Process (>= 4.1) - restriction: || (&& (== net462) (< net45) (>= netstandard2.0)) (== netcoreapp2.0)
      System.Diagnostics.TraceSource (>= 4.0) - restriction: || (&& (== net462) (< net45) (>= netstandard2.0)) (== netcoreapp2.0)
      System.Reflection.Emit (>= 4.3) - restriction: || (&& (== net462) (< net45) (>= netstandard2.0)) (== netcoreapp2.0)
      System.Reflection.Metadata (>= 1.4.2)
      System.Reflection.TypeExtensions (>= 4.3) - restriction: || (&& (== net462) (< net45) (>= netstandard2.0)) (== netcoreapp2.0)
      System.Runtime.Loader (>= 4.0) - restriction: || (&& (== net462) (< net45) (>= netstandard2.0)) (== netcoreapp2.0)
      System.Security.Cryptography.Algorithms (>= 4.3) - restriction: || (&& (== net462) (< net45) (>= netstandard2.0)) (== netcoreapp2.0)
      System.ValueTuple (>= 4.4) - restriction: || (== net462) (&& (== netcoreapp2.0) (>= net45))
    FSharp.Core (4.3.4)
    FSharpVSPowerTools.Core (2.4)
      FSharp.Compiler.Service (>= 2.0.0.8)
    FsUnit (3.1)
      FSharp.Core (>= 4.2.3)
      NETStandard.Library (>= 2.0.1) - restriction: || (&& (== net462) (< net46) (>= netstandard2.0)) (== netcoreapp2.0)
      NUnit (>= 3.9 < 4.0)
    Microsoft.AspNet.Razor (3.2.6)
    Microsoft.CodeCoverage (1.0.3)
    Microsoft.DiaSymReader (1.2)
      Microsoft.Net.Compilers (>= 2.3)
      NETStandard.Library (>= 1.6.1) - restriction: || (&& (== net462) (< net20)) (== netcoreapp2.0)
    Microsoft.DiaSymReader.PortablePdb (1.4)
      Microsoft.DiaSymReader (>= 1.2)
      System.Collections (>= 4.3)
      System.Collections.Immutable (>= 1.3.1)
      System.Diagnostics.Debug (>= 4.3)
      System.Globalization (>= 4.3)
      System.IO (>= 4.3)
      System.Linq (>= 4.3)
      System.Reflection (>= 4.3)
      System.Reflection.Metadata (>= 1.4.2)
      System.Reflection.Primitives (>= 4.3)
      System.Runtime (>= 4.3)
      System.Runtime.Extensions (>= 4.3)
      System.Runtime.InteropServices (>= 4.3)
      System.Text.Encoding (>= 4.3)
      System.Threading (>= 4.3)
    Microsoft.DotNet.InternalAbstractions (1.0) - restriction: || (&& (== net462) (>= netcoreapp1.0)) (== netcoreapp2.0)
      System.AppContext (>= 4.1) - restriction: || (&& (== net462) (< net451)) (== netcoreapp2.0)
      System.Collections (>= 4.0.11) - restriction: || (&& (== net462) (< net451)) (== netcoreapp2.0)
      System.IO (>= 4.1) - restriction: || (&& (== net462) (< net451)) (== netcoreapp2.0)
      System.IO.FileSystem (>= 4.0.1) - restriction: || (&& (== net462) (< net451)) (== netcoreapp2.0)
      System.Reflection.TypeExtensions (>= 4.1) - restriction: || (&& (== net462) (< net451)) (== netcoreapp2.0)
      System.Runtime.Extensions (>= 4.1) - restriction: || (&& (== net462) (< net451)) (== netcoreapp2.0)
      System.Runtime.InteropServices (>= 4.1) - restriction: || (&& (== net462) (< net451)) (== netcoreapp2.0)
      System.Runtime.InteropServices.RuntimeInformation (>= 4.0) - restriction: || (&& (== net462) (< net451)) (== netcoreapp2.0)
    Microsoft.DotNet.PlatformAbstractions (2.1) - restriction: || (&& (== net462) (>= netcoreapp1.0)) (== netcoreapp2.0)
      System.AppContext (>= 4.1) - restriction: || (&& (== net462) (< net45)) (== netcoreapp2.0)
      System.Collections (>= 4.0.11) - restriction: || (&& (== net462) (< net45)) (== netcoreapp2.0)
      System.IO (>= 4.1) - restriction: || (&& (== net462) (< net45)) (== netcoreapp2.0)
      System.IO.FileSystem (>= 4.0.1) - restriction: || (&& (== net462) (< net45)) (== netcoreapp2.0)
      System.Reflection.TypeExtensions (>= 4.1) - restriction: || (&& (== net462) (< net45)) (== netcoreapp2.0)
      System.Runtime.Extensions (>= 4.1) - restriction: || (&& (== net462) (< net45)) (== netcoreapp2.0)
      System.Runtime.InteropServices (>= 4.1) - restriction: || (&& (== net462) (< net45)) (== netcoreapp2.0)
      System.Runtime.InteropServices.RuntimeInformation (>= 4.0)
    Microsoft.Extensions.DependencyModel (2.1) - restriction: || (&& (== net462) (>= netcoreapp1.0)) (== netcoreapp2.0)
      Microsoft.DotNet.PlatformAbstractions (>= 2.1)
      Newtonsoft.Json (>= 9.0.1)
      System.Diagnostics.Debug (>= 4.0.11) - restriction: || (&& (== net462) (< net451)) (== netcoreapp2.0)
      System.Dynamic.Runtime (>= 4.0.11) - restriction: || (&& (== net462) (< net451)) (== netcoreapp2.0)
      System.Linq (>= 4.1) - restriction: || (&& (== net462) (< net451)) (== netcoreapp2.0)
    Microsoft.Net.Compilers (2.8.2)
    Microsoft.Net.Test.Sdk (15.7.2)
      Microsoft.CodeCoverage (>= 1.0.3)
      Microsoft.TestPlatform.TestHost (>= 15.7.2) - restriction: || (&& (== net462) (>= netcoreapp1.0)) (== netcoreapp2.0)
    Microsoft.NETCore.Platforms (2.0.2) - restriction: || (&& (== net462) (>= netcoreapp2.0)) (== netcoreapp2.0)
    Microsoft.NETCore.Targets (2.0) - restriction: || (&& (== net462) (>= netcoreapp1.0)) (== netcoreapp2.0)
    Microsoft.TestPlatform.ObjectModel (15.7.2) - restriction: || (&& (== net462) (>= netcoreapp1.0)) (== netcoreapp2.0)
      NETStandard.Library (>= 1.6) - restriction: || (&& (== net462) (< net451)) (== netcoreapp2.0)
      System.ComponentModel.EventBasedAsync (>= 4.0.11) - restriction: || (&& (== net462) (< net451)) (== netcoreapp2.0)
      System.ComponentModel.TypeConverter (>= 4.1) - restriction: || (&& (== net462) (< net451)) (== netcoreapp2.0)
      System.Diagnostics.Process (>= 4.1) - restriction: || (&& (== net462) (< net451)) (== netcoreapp2.0)
      System.Diagnostics.TextWriterTraceListener (>= 4.0) - restriction: || (&& (== net462) (< net451)) (== netcoreapp2.0)
      System.Diagnostics.TraceSource (>= 4.0) - restriction: || (&& (== net462) (< net451)) (== netcoreapp2.0)
      System.Reflection.Metadata (>= 1.3)
      System.Reflection.TypeExtensions (>= 4.1) - restriction: || (&& (== net462) (< net451)) (== netcoreapp2.0)
      System.Runtime.InteropServices.RuntimeInformation (>= 4.0) - restriction: || (&& (== net462) (< net451)) (== netcoreapp2.0)
      System.Runtime.Loader (>= 4.0) - restriction: || (&& (== net462) (< net451)) (== netcoreapp2.0)
      System.Runtime.Serialization.Json (>= 4.0.2) - restriction: || (&& (== net462) (< net451)) (== netcoreapp2.0)
      System.Runtime.Serialization.Primitives (>= 4.1.1) - restriction: || (&& (== net462) (< net451)) (== netcoreapp2.0)
      System.Threading.Thread (>= 4.0) - restriction: || (&& (== net462) (< net451)) (== netcoreapp2.0)
      System.Xml.XPath.XmlDocument (>= 4.0.1) - restriction: || (&& (== net462) (< net451)) (== netcoreapp2.0)
    Microsoft.TestPlatform.TestHost (15.7.2) - restriction: || (&& (== net462) (>= netcoreapp1.0)) (== netcoreapp2.0)
      Microsoft.Extensions.DependencyModel (>= 1.0.3) - restriction: || (&& (== net462) (>= netcoreapp1.0)) (== netcoreapp2.0)
      Microsoft.TestPlatform.ObjectModel (>= 15.7.2) - restriction: || (&& (== net462) (>= netcoreapp1.0)) (&& (== net462) (>= uap10.0)) (== netcoreapp2.0)
      Newtonsoft.Json (>= 9.0.1) - restriction: || (&& (== net462) (>= netcoreapp1.0)) (&& (== net462) (>= uap10.0)) (== netcoreapp2.0)
    Microsoft.Win32.Primitives (4.3) - restriction: || (&& (== net462) (>= netcoreapp1.0)) (== netcoreapp2.0)
      Microsoft.NETCore.Platforms (>= 1.1) - restriction: || (&& (== net462) (< net46)) (== netcoreapp2.0)
      Microsoft.NETCore.Targets (>= 1.1) - restriction: || (&& (== net462) (< net46)) (== netcoreapp2.0)
      System.Runtime (>= 4.3) - restriction: || (&& (== net462) (< net46)) (== netcoreapp2.0)
    Microsoft.Win32.Registry (4.4) - restriction: || (&& (== net462) (>= netcoreapp1.0)) (== netcoreapp2.0)
      Microsoft.NETCore.Platforms (>= 2.0) - restriction: || (&& (== net462) (>= netcoreapp2.0)) (== netcoreapp2.0)
      System.Security.AccessControl (>= 4.4)
      System.Security.Principal.Windows (>= 4.4)
    Nancy (1.4.4)
    Nancy.Hosting.Self (1.4.1)
      Nancy (>= 1.4.1)
    NETStandard.Library (2.0.3)
      Microsoft.NETCore.Platforms (>= 1.1)
    Newtonsoft.Json (11.0.2) - restriction: || (&& (== net462) (>= netcoreapp1.0)) (== netcoreapp2.0)
    NUnit (3.10.1)
      NETStandard.Library (>= 2.0) - restriction: || (&& (== net462) (< net20) (>= netstandard2.0)) (== netcoreapp2.0)
    NUnit.ConsoleRunner (3.8)
    NUnit.Extension.NUnitProjectLoader (3.6)
    NUnit.Extension.NUnitV2Driver (3.7)
    NUnit.Extension.NUnitV2ResultWriter (3.6)
    NUnit.Extension.TeamCityEventListener (1.0.3)
    NUnit.Extension.VSProjectLoader (3.7)
    NUnit.Runners (3.8)
      NUnit.ConsoleRunner (>= 3.8)
      NUnit.Extension.NUnitProjectLoader (>= 3.5)
      NUnit.Extension.NUnitV2Driver (>= 3.6)
      NUnit.Extension.NUnitV2ResultWriter (>= 3.5)
      NUnit.Extension.TeamCityEventListener (>= 1.0.3)
      NUnit.Extension.VSProjectLoader (>= 3.7)
    NUnit3TestAdapter (3.10)
      Microsoft.DotNet.InternalAbstractions (>= 1.0) - restriction: || (&& (== net462) (>= netcoreapp1.0)) (== netcoreapp2.0)
      System.ComponentModel.EventBasedAsync (>= 4.3) - restriction: || (&& (== net462) (>= netcoreapp1.0)) (== netcoreapp2.0)
      System.ComponentModel.TypeConverter (>= 4.3) - restriction: || (&& (== net462) (>= netcoreapp1.0)) (== netcoreapp2.0)
      System.Diagnostics.Process (>= 4.3) - restriction: || (&& (== net462) (>= netcoreapp1.0)) (== netcoreapp2.0)
      System.Reflection (>= 4.3) - restriction: || (&& (== net462) (>= netcoreapp1.0)) (== netcoreapp2.0)
      System.Runtime.InteropServices.RuntimeInformation (>= 4.3) - restriction: || (&& (== net462) (>= netcoreapp1.0)) (== netcoreapp2.0)
      System.Threading.Thread (>= 4.3) - restriction: || (&& (== net462) (>= netcoreapp1.0)) (== netcoreapp2.0)
      System.Xml.XmlDocument (>= 4.3) - restriction: || (&& (== net462) (>= netcoreapp1.0)) (== netcoreapp2.0)
      System.Xml.XPath.XmlDocument (>= 4.3) - restriction: || (&& (== net462) (>= netcoreapp1.0)) (== netcoreapp2.0)
    runtime.debian.8-x64.runtime.native.System.Security.Cryptography.OpenSsl (4.3.2) - restriction: || (&& (== net462) (< net45) (>= netstandard2.0)) (== netcoreapp2.0)
    runtime.fedora.23-x64.runtime.native.System.Security.Cryptography.OpenSsl (4.3.2) - restriction: || (&& (== net462) (< net45) (>= netstandard2.0)) (== netcoreapp2.0)
    runtime.fedora.24-x64.runtime.native.System.Security.Cryptography.OpenSsl (4.3.2) - restriction: || (&& (== net462) (< net45) (>= netstandard2.0)) (== netcoreapp2.0)
    runtime.native.System (4.3) - restriction: || (&& (== net462) (>= netcoreapp1.0)) (== netcoreapp2.0)
      Microsoft.NETCore.Platforms (>= 1.1)
      Microsoft.NETCore.Targets (>= 1.1)
    runtime.native.System.Security.Cryptography.Apple (4.3.1) - restriction: || (&& (== net462) (< net45) (>= netstandard2.0)) (== netcoreapp2.0)
      runtime.osx.10.10-x64.runtime.native.System.Security.Cryptography.Apple (>= 4.3.1)
    runtime.native.System.Security.Cryptography.OpenSsl (4.3.2) - restriction: || (&& (== net462) (< net45) (>= netstandard2.0)) (== netcoreapp2.0)
      runtime.debian.8-x64.runtime.native.System.Security.Cryptography.OpenSsl (>= 4.3.2)
      runtime.fedora.23-x64.runtime.native.System.Security.Cryptography.OpenSsl (>= 4.3.2)
      runtime.fedora.24-x64.runtime.native.System.Security.Cryptography.OpenSsl (>= 4.3.2)
      runtime.opensuse.13.2-x64.runtime.native.System.Security.Cryptography.OpenSsl (>= 4.3.2)
      runtime.opensuse.42.1-x64.runtime.native.System.Security.Cryptography.OpenSsl (>= 4.3.2)
      runtime.osx.10.10-x64.runtime.native.System.Security.Cryptography.OpenSsl (>= 4.3.2)
      runtime.rhel.7-x64.runtime.native.System.Security.Cryptography.OpenSsl (>= 4.3.2)
      runtime.ubuntu.14.04-x64.runtime.native.System.Security.Cryptography.OpenSsl (>= 4.3.2)
      runtime.ubuntu.16.04-x64.runtime.native.System.Security.Cryptography.OpenSsl (>= 4.3.2)
      runtime.ubuntu.16.10-x64.runtime.native.System.Security.Cryptography.OpenSsl (>= 4.3.2)
    runtime.opensuse.13.2-x64.runtime.native.System.Security.Cryptography.OpenSsl (4.3.2) - restriction: || (&& (== net462) (< net45) (>= netstandard2.0)) (== netcoreapp2.0)
    runtime.opensuse.42.1-x64.runtime.native.System.Security.Cryptography.OpenSsl (4.3.2) - restriction: || (&& (== net462) (< net45) (>= netstandard2.0)) (== netcoreapp2.0)
    runtime.osx.10.10-x64.runtime.native.System.Security.Cryptography.Apple (4.3.1) - restriction: || (&& (== net462) (< net45) (>= netstandard2.0)) (== netcoreapp2.0)
    runtime.osx.10.10-x64.runtime.native.System.Security.Cryptography.OpenSsl (4.3.2) - restriction: || (&& (== net462) (< net45) (>= netstandard2.0)) (== netcoreapp2.0)
    runtime.rhel.7-x64.runtime.native.System.Security.Cryptography.OpenSsl (4.3.2) - restriction: || (&& (== net462) (< net45) (>= netstandard2.0)) (== netcoreapp2.0)
    runtime.ubuntu.14.04-x64.runtime.native.System.Security.Cryptography.OpenSsl (4.3.2) - restriction: || (&& (== net462) (< net45) (>= netstandard2.0)) (== netcoreapp2.0)
    runtime.ubuntu.16.04-x64.runtime.native.System.Security.Cryptography.OpenSsl (4.3.2) - restriction: || (&& (== net462) (< net45) (>= netstandard2.0)) (== netcoreapp2.0)
    runtime.ubuntu.16.10-x64.runtime.native.System.Security.Cryptography.OpenSsl (4.3.2) - restriction: || (&& (== net462) (< net45) (>= netstandard2.0)) (== netcoreapp2.0)
    System.AppContext (4.3) - restriction: || (&& (== net462) (>= netcoreapp1.0)) (== netcoreapp2.0)
      System.Runtime (>= 4.3) - restriction: || (&& (== net462) (>= dnxcore50)) (&& (== net462) (< net46)) (== netcoreapp2.0)
    System.Collections (4.3)
      Microsoft.NETCore.Platforms (>= 1.1) - restriction: || (&& (== net462) (>= dnxcore50)) (&& (== net462) (< net45)) (== netcoreapp2.0)
      Microsoft.NETCore.Targets (>= 1.1) - restriction: || (&& (== net462) (>= dnxcore50)) (&& (== net462) (< net45)) (== netcoreapp2.0)
      System.Runtime (>= 4.3) - restriction: || (&& (== net462) (>= dnxcore50)) (&& (== net462) (< net45)) (== netcoreapp2.0)
    System.Collections.Concurrent (4.3) - restriction: || (&& (== net462) (>= dnxcore50) (>= netstandard2.0)) (&& (== net462) (< net45) (>= netstandard2.0)) (== netcoreapp2.0)
      System.Collections (>= 4.3) - restriction: || (&& (== net462) (>= dnxcore50)) (&& (== net462) (< net45)) (== netcoreapp2.0)
      System.Diagnostics.Debug (>= 4.3) - restriction: || (&& (== net462) (>= dnxcore50)) (&& (== net462) (< net45)) (== netcoreapp2.0)
      System.Diagnostics.Tracing (>= 4.3) - restriction: || (&& (== net462) (>= dnxcore50)) (&& (== net462) (< net45)) (== netcoreapp2.0)
      System.Globalization (>= 4.3) - restriction: || (&& (== net462) (>= dnxcore50)) (&& (== net462) (< net45)) (== netcoreapp2.0)
      System.Reflection (>= 4.3) - restriction: || (&& (== net462) (< net45)) (== netcoreapp2.0)
      System.Resources.ResourceManager (>= 4.3) - restriction: || (&& (== net462) (>= dnxcore50)) (&& (== net462) (< net45)) (== netcoreapp2.0)
      System.Runtime (>= 4.3) - restriction: || (&& (== net462) (>= dnxcore50)) (&& (== net462) (< net45)) (== netcoreapp2.0)
      System.Runtime.Extensions (>= 4.3) - restriction: || (&& (== net462) (>= dnxcore50)) (&& (== net462) (< net45)) (== netcoreapp2.0)
      System.Threading (>= 4.3) - restriction: || (&& (== net462) (>= dnxcore50)) (&& (== net462) (< net45)) (== netcoreapp2.0)
      System.Threading.Tasks (>= 4.3) - restriction: || (&& (== net462) (>= dnxcore50)) (&& (== net462) (< net45)) (== netcoreapp2.0)
    System.Collections.Immutable (1.4)
      NETStandard.Library (>= 1.6.1) - restriction: || (== net462) (&& (== netcoreapp2.0) (< netstandard2.0))
    System.Collections.NonGeneric (4.3) - restriction: || (&& (== net462) (>= netcoreapp1.0)) (== netcoreapp2.0)
      System.Diagnostics.Debug (>= 4.3) - restriction: || (&& (== net462) (< net46)) (== netcoreapp2.0)
      System.Globalization (>= 4.3) - restriction: || (&& (== net462) (< net46)) (== netcoreapp2.0)
      System.Resources.ResourceManager (>= 4.3) - restriction: || (&& (== net462) (< net46)) (== netcoreapp2.0)
      System.Runtime (>= 4.3) - restriction: || (&& (== net462) (< net46)) (== netcoreapp2.0)
      System.Runtime.Extensions (>= 4.3) - restriction: || (&& (== net462) (< net46)) (== netcoreapp2.0)
      System.Threading (>= 4.3) - restriction: || (&& (== net462) (< net46)) (== netcoreapp2.0)
    System.Collections.Specialized (4.3) - restriction: || (&& (== net462) (>= netcoreapp1.0)) (== netcoreapp2.0)
      System.Collections.NonGeneric (>= 4.3) - restriction: || (&& (== net462) (< net46)) (== netcoreapp2.0)
      System.Globalization (>= 4.3) - restriction: || (&& (== net462) (< net46)) (== netcoreapp2.0)
      System.Globalization.Extensions (>= 4.3) - restriction: || (&& (== net462) (< net46)) (== netcoreapp2.0)
      System.Resources.ResourceManager (>= 4.3) - restriction: || (&& (== net462) (< net46)) (== netcoreapp2.0)
      System.Runtime (>= 4.3) - restriction: || (&& (== net462) (< net46)) (== netcoreapp2.0)
      System.Runtime.Extensions (>= 4.3) - restriction: || (&& (== net462) (< net46)) (== netcoreapp2.0)
      System.Threading (>= 4.3) - restriction: || (&& (== net462) (< net46)) (== netcoreapp2.0)
    System.ComponentModel (4.3) - restriction: || (&& (== net462) (>= netcoreapp1.0)) (== netcoreapp2.0)
      System.Runtime (>= 4.3) - restriction: || (&& (== net462) (>= dnxcore50)) (&& (== net462) (< net45)) (== netcoreapp2.0)
    System.ComponentModel.EventBasedAsync (4.3) - restriction: || (&& (== net462) (>= netcoreapp1.0)) (== netcoreapp2.0)
      System.Resources.ResourceManager (>= 4.3) - restriction: || (&& (== net462) (>= dnxcore50)) (&& (== net462) (< net45)) (== netcoreapp2.0)
      System.Runtime (>= 4.3) - restriction: || (&& (== net462) (>= dnxcore50)) (&& (== net462) (< net45)) (== netcoreapp2.0)
      System.Threading (>= 4.3) - restriction: || (&& (== net462) (>= dnxcore50)) (&& (== net462) (< net45)) (== netcoreapp2.0)
      System.Threading.Tasks (>= 4.3) - restriction: || (&& (== net462) (>= dnxcore50)) (&& (== net462) (< net45)) (== netcoreapp2.0)
    System.ComponentModel.Primitives (4.3) - restriction: || (&& (== net462) (>= netcoreapp1.0)) (== netcoreapp2.0)
      System.ComponentModel (>= 4.3) - restriction: || (&& (== net462) (< net45)) (== netcoreapp2.0)
      System.Resources.ResourceManager (>= 4.3) - restriction: || (&& (== net462) (< net45)) (== netcoreapp2.0)
      System.Runtime (>= 4.3) - restriction: || (&& (== net462) (< net45)) (== netcoreapp2.0)
    System.ComponentModel.TypeConverter (4.3) - restriction: || (&& (== net462) (>= netcoreapp1.0)) (== netcoreapp2.0)
      System.Collections (>= 4.3) - restriction: || (&& (== net462) (< net45)) (== netcoreapp2.0)
      System.Collections.NonGeneric (>= 4.3)
      System.Collections.Specialized (>= 4.3) - restriction: || (&& (== net462) (< net45)) (== netcoreapp2.0)
      System.ComponentModel (>= 4.3) - restriction: || (&& (== net462) (< net45)) (== netcoreapp2.0)
      System.ComponentModel.Primitives (>= 4.3)
      System.Globalization (>= 4.3) - restriction: || (&& (== net462) (< net45)) (== netcoreapp2.0)
      System.Linq (>= 4.3) - restriction: || (&& (== net462) (< net45)) (== netcoreapp2.0)
      System.Reflection (>= 4.3) - restriction: || (&& (== net462) (< net45)) (== netcoreapp2.0)
      System.Reflection.Extensions (>= 4.3) - restriction: || (&& (== net462) (< net45)) (== netcoreapp2.0)
      System.Reflection.Primitives (>= 4.3) - restriction: || (&& (== net462) (< net45)) (== netcoreapp2.0)
      System.Reflection.TypeExtensions (>= 4.3) - restriction: || (&& (== net462) (< net45)) (== netcoreapp2.0)
      System.Resources.ResourceManager (>= 4.3) - restriction: || (&& (== net462) (< net45)) (== netcoreapp2.0)
      System.Runtime (>= 4.3) - restriction: || (&& (== net462) (< net45)) (== netcoreapp2.0)
      System.Runtime.Extensions (>= 4.3) - restriction: || (&& (== net462) (< net45)) (== netcoreapp2.0)
      System.Threading (>= 4.3) - restriction: || (&& (== net462) (< net45)) (== netcoreapp2.0)
    System.Diagnostics.Debug (4.3)
      Microsoft.NETCore.Platforms (>= 1.1) - restriction: || (&& (== net462) (>= dnxcore50)) (&& (== net462) (< net45)) (== netcoreapp2.0)
      Microsoft.NETCore.Targets (>= 1.1) - restriction: || (&& (== net462) (>= dnxcore50)) (&& (== net462) (< net45)) (== netcoreapp2.0)
      System.Runtime (>= 4.3) - restriction: || (&& (== net462) (>= dnxcore50)) (&& (== net462) (< net45)) (== netcoreapp2.0)
    System.Diagnostics.Process (4.3) - restriction: || (&& (== net462) (>= netcoreapp1.0)) (== netcoreapp2.0)
      Microsoft.NETCore.Platforms (>= 1.1) - restriction: || (&& (== net462) (< net46)) (== netcoreapp2.0)
      Microsoft.Win32.Primitives (>= 4.3) - restriction: || (&& (== net462) (< net46)) (== netcoreapp2.0)
      Microsoft.Win32.Registry (>= 4.3) - restriction: || (&& (== net462) (< net46)) (== netcoreapp2.0)
      runtime.native.System (>= 4.3) - restriction: || (&& (== net462) (< net46)) (== netcoreapp2.0)
      System.Collections (>= 4.3) - restriction: || (&& (== net462) (< net46)) (== netcoreapp2.0)
      System.Diagnostics.Debug (>= 4.3) - restriction: || (&& (== net462) (< net46)) (== netcoreapp2.0)
      System.Globalization (>= 4.3) - restriction: || (&& (== net462) (< net46)) (== netcoreapp2.0)
      System.IO (>= 4.3) - restriction: || (&& (== net462) (< net46)) (== netcoreapp2.0)
      System.IO.FileSystem (>= 4.3) - restriction: || (&& (== net462) (< net46)) (== netcoreapp2.0)
      System.IO.FileSystem.Primitives (>= 4.3) - restriction: || (&& (== net462) (< net46)) (== netcoreapp2.0)
      System.Resources.ResourceManager (>= 4.3) - restriction: || (&& (== net462) (< net46)) (== netcoreapp2.0)
      System.Runtime (>= 4.3) - restriction: || (&& (== net462) (< net46)) (== netcoreapp2.0)
      System.Runtime.Extensions (>= 4.3) - restriction: || (&& (== net462) (< net46)) (== netcoreapp2.0)
      System.Runtime.Handles (>= 4.3) - restriction: || (&& (== net462) (< net46)) (== netcoreapp2.0)
      System.Runtime.InteropServices (>= 4.3) - restriction: || (&& (== net462) (< net46)) (== netcoreapp2.0)
      System.Text.Encoding (>= 4.3) - restriction: || (&& (== net462) (< net46)) (== netcoreapp2.0)
      System.Text.Encoding.Extensions (>= 4.3) - restriction: || (&& (== net462) (< net46)) (== netcoreapp2.0)
      System.Threading (>= 4.3) - restriction: || (&& (== net462) (< net46)) (== netcoreapp2.0)
      System.Threading.Tasks (>= 4.3) - restriction: || (&& (== net462) (< net46)) (== netcoreapp2.0)
      System.Threading.Thread (>= 4.3) - restriction: || (&& (== net462) (< net46)) (== netcoreapp2.0)
      System.Threading.ThreadPool (>= 4.3) - restriction: || (&& (== net462) (< net46)) (== netcoreapp2.0)
    System.Diagnostics.TextWriterTraceListener (4.3) - restriction: || (&& (== net462) (>= netcoreapp1.0)) (== netcoreapp2.0)
      System.Diagnostics.TraceSource (>= 4.3)
      System.Globalization (>= 4.3) - restriction: || (&& (== net462) (< net46)) (== netcoreapp2.0)
      System.IO (>= 4.3) - restriction: || (&& (== net462) (< net46)) (== netcoreapp2.0)
      System.Resources.ResourceManager (>= 4.3) - restriction: || (&& (== net462) (< net46)) (== netcoreapp2.0)
      System.Runtime (>= 4.3) - restriction: || (&& (== net462) (< net46)) (== netcoreapp2.0)
      System.Threading (>= 4.3) - restriction: || (&& (== net462) (< net46)) (== netcoreapp2.0)
    System.Diagnostics.Tools (4.3) - restriction: || (&& (== net462) (>= netcoreapp1.0)) (== netcoreapp2.0)
      Microsoft.NETCore.Platforms (>= 1.1) - restriction: || (&& (== net462) (>= dnxcore50)) (&& (== net462) (< net45)) (== netcoreapp2.0)
      Microsoft.NETCore.Targets (>= 1.1) - restriction: || (&& (== net462) (>= dnxcore50)) (&& (== net462) (< net45)) (== netcoreapp2.0)
      System.Runtime (>= 4.3) - restriction: || (&& (== net462) (>= dnxcore50)) (&& (== net462) (< net45)) (== netcoreapp2.0)
    System.Diagnostics.TraceSource (4.3) - restriction: || (&& (== net462) (< net45) (>= netstandard2.0)) (&& (== net462) (>= netcoreapp1.0)) (== netcoreapp2.0)
      Microsoft.NETCore.Platforms (>= 1.1) - restriction: || (&& (== net462) (< net46)) (== netcoreapp2.0)
      runtime.native.System (>= 4.3) - restriction: || (&& (== net462) (< net46)) (== netcoreapp2.0)
      System.Collections (>= 4.3) - restriction: || (&& (== net462) (< net46)) (== netcoreapp2.0)
      System.Diagnostics.Debug (>= 4.3) - restriction: || (&& (== net462) (< net46)) (== netcoreapp2.0)
      System.Globalization (>= 4.3) - restriction: || (&& (== net462) (< net46)) (== netcoreapp2.0)
      System.Resources.ResourceManager (>= 4.3) - restriction: || (&& (== net462) (< net46)) (== netcoreapp2.0)
      System.Runtime (>= 4.3) - restriction: || (&& (== net462) (< net46)) (== netcoreapp2.0)
      System.Runtime.Extensions (>= 4.3) - restriction: || (&& (== net462) (< net46)) (== netcoreapp2.0)
      System.Threading (>= 4.3) - restriction: || (&& (== net462) (< net46)) (== netcoreapp2.0)
    System.Diagnostics.Tracing (4.3) - restriction: || (&& (== net462) (>= dnxcore50) (>= netstandard2.0)) (&& (== net462) (< net45) (>= netstandard2.0)) (== netcoreapp2.0)
      Microsoft.NETCore.Platforms (>= 1.1) - restriction: || (&& (== net462) (>= dnxcore50)) (&& (== net462) (< net45)) (== netcoreapp2.0)
      Microsoft.NETCore.Targets (>= 1.1) - restriction: || (&& (== net462) (>= dnxcore50)) (&& (== net462) (< net45)) (== netcoreapp2.0)
      System.Runtime (>= 4.3) - restriction: || (&& (== net462) (>= dnxcore50)) (&& (== net462) (< net45)) (== netcoreapp2.0)
    System.Dynamic.Runtime (4.3) - restriction: || (&& (== net462) (>= netcoreapp1.0)) (== netcoreapp2.0)
      System.Collections (>= 4.3) - restriction: || (&& (== net462) (>= dnxcore50)) (&& (== net462) (< net45)) (== netcoreapp2.0)
      System.Diagnostics.Debug (>= 4.3) - restriction: || (&& (== net462) (>= dnxcore50)) (&& (== net462) (< net45)) (== netcoreapp2.0)
      System.Linq (>= 4.3) - restriction: || (&& (== net462) (>= dnxcore50)) (&& (== net462) (< net45)) (== netcoreapp2.0)
      System.Linq.Expressions (>= 4.3) - restriction: || (&& (== net462) (>= dnxcore50)) (&& (== net462) (< net45)) (== netcoreapp2.0)
      System.ObjectModel (>= 4.3) - restriction: || (&& (== net462) (>= dnxcore50)) (&& (== net462) (< net45)) (== netcoreapp2.0)
      System.Reflection (>= 4.3) - restriction: || (&& (== net462) (>= dnxcore50)) (&& (== net462) (< net45)) (== netcoreapp2.0)
      System.Reflection.Emit (>= 4.3) - restriction: || (&& (== net462) (< net45)) (== netcoreapp2.0)
      System.Reflection.Emit.ILGeneration (>= 4.3) - restriction: || (&& (== net462) (< net45)) (== netcoreapp2.0)
      System.Reflection.Primitives (>= 4.3) - restriction: || (&& (== net462) (< net45)) (== netcoreapp2.0)
      System.Reflection.TypeExtensions (>= 4.3) - restriction: || (&& (== net462) (>= dnxcore50)) (&& (== net462) (< net45)) (== netcoreapp2.0)
      System.Resources.ResourceManager (>= 4.3) - restriction: || (&& (== net462) (>= dnxcore50)) (&& (== net462) (< net45)) (== netcoreapp2.0)
      System.Runtime (>= 4.3) - restriction: || (&& (== net462) (>= dnxcore50)) (&& (== net462) (< net45)) (== netcoreapp2.0)
      System.Runtime.Extensions (>= 4.3) - restriction: || (&& (== net462) (>= dnxcore50)) (&& (== net462) (< net45)) (== netcoreapp2.0)
      System.Threading (>= 4.3) - restriction: || (&& (== net462) (>= dnxcore50)) (&& (== net462) (< net45)) (== netcoreapp2.0)
    System.Globalization (4.3)
      Microsoft.NETCore.Platforms (>= 1.1) - restriction: || (&& (== net462) (>= dnxcore50)) (&& (== net462) (< net45)) (== netcoreapp2.0)
      Microsoft.NETCore.Targets (>= 1.1) - restriction: || (&& (== net462) (>= dnxcore50)) (&& (== net462) (< net45)) (== netcoreapp2.0)
      System.Runtime (>= 4.3) - restriction: || (&& (== net462) (>= dnxcore50)) (&& (== net462) (< net45)) (== netcoreapp2.0)
    System.Globalization.Extensions (4.3) - restriction: || (&& (== net462) (>= netcoreapp1.0)) (== netcoreapp2.0)
      Microsoft.NETCore.Platforms (>= 1.1) - restriction: || (&& (== net462) (< net46)) (== netcoreapp2.0)
      System.Globalization (>= 4.3) - restriction: || (&& (== net462) (< net46)) (== netcoreapp2.0)
      System.Resources.ResourceManager (>= 4.3) - restriction: || (&& (== net462) (< net46)) (== netcoreapp2.0)
      System.Runtime (>= 4.3) - restriction: || (&& (== net462) (< net46)) (== netcoreapp2.0)
      System.Runtime.Extensions (>= 4.3) - restriction: || (&& (== net462) (< net46)) (== netcoreapp2.0)
      System.Runtime.InteropServices (>= 4.3) - restriction: || (&& (== net462) (< net46)) (== netcoreapp2.0)
    System.IO (4.3)
      Microsoft.NETCore.Platforms (>= 1.1) - restriction: || (&& (== net462) (>= dnxcore50)) (&& (== net462) (< net45)) (== netcoreapp2.0)
      Microsoft.NETCore.Targets (>= 1.1) - restriction: || (&& (== net462) (>= dnxcore50)) (&& (== net462) (< net45)) (== netcoreapp2.0)
      System.Runtime (>= 4.3) - restriction: || (&& (== net462) (>= dnxcore50)) (&& (== net462) (< net45)) (== netcoreapp2.0)
      System.Text.Encoding (>= 4.3) - restriction: || (&& (== net462) (>= dnxcore50)) (&& (== net462) (< net45)) (== netcoreapp2.0)
      System.Threading.Tasks (>= 4.3) - restriction: || (&& (== net462) (>= dnxcore50)) (&& (== net462) (< net45)) (== netcoreapp2.0)
    System.IO.FileSystem (4.3) - restriction: || (&& (== net462) (>= netcoreapp1.0)) (== netcoreapp2.0)
      Microsoft.NETCore.Platforms (>= 1.1) - restriction: || (&& (== net462) (< net46)) (== netcoreapp2.0)
      Microsoft.NETCore.Targets (>= 1.1) - restriction: || (&& (== net462) (< net46)) (== netcoreapp2.0)
      System.IO (>= 4.3) - restriction: || (&& (== net462) (< net46)) (== netcoreapp2.0)
      System.IO.FileSystem.Primitives (>= 4.3)
      System.Runtime (>= 4.3) - restriction: || (&& (== net462) (< net46)) (== netcoreapp2.0)
      System.Runtime.Handles (>= 4.3) - restriction: || (&& (== net462) (< net46)) (== netcoreapp2.0)
      System.Text.Encoding (>= 4.3) - restriction: || (&& (== net462) (< net46)) (== netcoreapp2.0)
      System.Threading.Tasks (>= 4.3) - restriction: || (&& (== net462) (< net46)) (== netcoreapp2.0)
    System.IO.FileSystem.Primitives (4.3) - restriction: || (&& (== net462) (>= netcoreapp1.0)) (== netcoreapp2.0)
      System.Runtime (>= 4.3) - restriction: || (&& (== net462) (< net46)) (== netcoreapp2.0)
    System.Linq (4.3)
      System.Collections (>= 4.3) - restriction: || (&& (== net462) (>= dnxcore50)) (&& (== net462) (< net45)) (== netcoreapp2.0)
      System.Diagnostics.Debug (>= 4.3) - restriction: || (&& (== net462) (>= dnxcore50)) (&& (== net462) (< net45) (>= netstandard1.6)) (== netcoreapp2.0)
      System.Resources.ResourceManager (>= 4.3) - restriction: || (&& (== net462) (>= dnxcore50)) (&& (== net462) (< net45) (>= netstandard1.6)) (== netcoreapp2.0)
      System.Runtime (>= 4.3) - restriction: || (&& (== net462) (>= dnxcore50)) (&& (== net462) (< net45)) (== netcoreapp2.0)
      System.Runtime.Extensions (>= 4.3) - restriction: || (&& (== net462) (>= dnxcore50)) (&& (== net462) (< net45) (>= netstandard1.6)) (== netcoreapp2.0)
    System.Linq.Expressions (4.3) - restriction: || (&& (== net462) (>= netcoreapp1.0)) (== netcoreapp2.0)
      System.Collections (>= 4.3) - restriction: || (&& (== net462) (>= dnxcore50)) (&& (== net462) (< net45) (>= netstandard1.6)) (== netcoreapp2.0)
      System.Diagnostics.Debug (>= 4.3) - restriction: || (&& (== net462) (>= dnxcore50)) (&& (== net462) (< net45) (>= netstandard1.6)) (== netcoreapp2.0)
      System.Globalization (>= 4.3) - restriction: || (&& (== net462) (>= dnxcore50)) (&& (== net462) (< net45) (>= netstandard1.6)) (== netcoreapp2.0)
      System.IO (>= 4.3) - restriction: || (&& (== net462) (>= dnxcore50)) (&& (== net462) (< net45) (>= netstandard1.6)) (== netcoreapp2.0)
      System.Linq (>= 4.3) - restriction: || (&& (== net462) (>= dnxcore50)) (&& (== net462) (< net45) (>= netstandard1.6)) (== netcoreapp2.0)
      System.ObjectModel (>= 4.3) - restriction: || (&& (== net462) (< net45) (>= netstandard1.6)) (== netcoreapp2.0)
      System.Reflection (>= 4.3) - restriction: || (&& (== net462) (>= dnxcore50)) (&& (== net462) (< net45)) (== netcoreapp2.0)
      System.Reflection.Emit (>= 4.3) - restriction: || (&& (== net462) (< net45) (>= netstandard1.6)) (== netcoreapp2.0)
      System.Reflection.Emit.ILGeneration (>= 4.3) - restriction: || (&& (== net462) (>= dnxcore50)) (&& (== net462) (< net45) (>= netstandard1.6)) (== netcoreapp2.0)
      System.Reflection.Emit.Lightweight (>= 4.3) - restriction: || (&& (== net462) (>= dnxcore50)) (&& (== net462) (< net45) (>= netstandard1.6)) (== netcoreapp2.0)
      System.Reflection.Extensions (>= 4.3) - restriction: || (&& (== net462) (>= dnxcore50)) (&& (== net462) (< net45) (>= netstandard1.6)) (== netcoreapp2.0)
      System.Reflection.Primitives (>= 4.3) - restriction: || (&& (== net462) (>= dnxcore50)) (&& (== net462) (< net45) (>= netstandard1.6)) (== netcoreapp2.0)
      System.Reflection.TypeExtensions (>= 4.3) - restriction: || (&& (== net462) (>= dnxcore50)) (&& (== net462) (< net45) (>= netstandard1.6)) (== netcoreapp2.0)
      System.Resources.ResourceManager (>= 4.3) - restriction: || (&& (== net462) (>= dnxcore50)) (&& (== net462) (< net45) (>= netstandard1.6)) (== netcoreapp2.0)
      System.Runtime (>= 4.3) - restriction: || (&& (== net462) (>= dnxcore50)) (&& (== net462) (< net45)) (== netcoreapp2.0)
      System.Runtime.Extensions (>= 4.3) - restriction: || (&& (== net462) (>= dnxcore50)) (&& (== net462) (< net45) (>= netstandard1.6)) (== netcoreapp2.0)
      System.Threading (>= 4.3) - restriction: || (&& (== net462) (>= dnxcore50)) (&& (== net462) (< net45) (>= netstandard1.6)) (== netcoreapp2.0)
    System.ObjectModel (4.3) - restriction: || (&& (== net462) (>= netcoreapp1.0)) (== netcoreapp2.0)
      System.Collections (>= 4.3) - restriction: || (&& (== net462) (>= dnxcore50)) (&& (== net462) (< net45)) (== netcoreapp2.0)
      System.Diagnostics.Debug (>= 4.3) - restriction: || (&& (== net462) (>= dnxcore50)) (&& (== net462) (< net45)) (== netcoreapp2.0)
      System.Resources.ResourceManager (>= 4.3) - restriction: || (&& (== net462) (>= dnxcore50)) (&& (== net462) (< net45)) (== netcoreapp2.0)
      System.Runtime (>= 4.3) - restriction: || (&& (== net462) (>= dnxcore50)) (&& (== net462) (< net45)) (== netcoreapp2.0)
      System.Threading (>= 4.3) - restriction: || (&& (== net462) (>= dnxcore50)) (&& (== net462) (< net45)) (== netcoreapp2.0)
    System.Private.DataContractSerialization (4.3) - restriction: || (&& (== net462) (>= netcoreapp1.0)) (== netcoreapp2.0)
      System.Collections (>= 4.3) - restriction: || (&& (== net462) (>= dnxcore50)) (&& (== net462) (< net46)) (== netcoreapp2.0)
      System.Collections.Concurrent (>= 4.3) - restriction: || (&& (== net462) (>= dnxcore50)) (&& (== net462) (< net46)) (== netcoreapp2.0)
      System.Diagnostics.Debug (>= 4.3) - restriction: || (&& (== net462) (>= dnxcore50)) (&& (== net462) (< net46)) (== netcoreapp2.0)
      System.Globalization (>= 4.3) - restriction: || (&& (== net462) (>= dnxcore50)) (&& (== net462) (< net46)) (== netcoreapp2.0)
      System.IO (>= 4.3) - restriction: || (&& (== net462) (>= dnxcore50)) (&& (== net462) (< net46)) (== netcoreapp2.0)
      System.Linq (>= 4.3) - restriction: || (&& (== net462) (>= dnxcore50)) (&& (== net462) (< net46)) (== netcoreapp2.0)
      System.Reflection (>= 4.3) - restriction: || (&& (== net462) (>= dnxcore50)) (&& (== net462) (< net46)) (== netcoreapp2.0)
      System.Reflection.Emit.ILGeneration (>= 4.3) - restriction: || (&& (== net462) (< net46)) (== netcoreapp2.0)
      System.Reflection.Emit.Lightweight (>= 4.3) - restriction: || (&& (== net462) (< net46)) (== netcoreapp2.0)
      System.Reflection.Extensions (>= 4.3) - restriction: || (&& (== net462) (>= dnxcore50)) (&& (== net462) (< net46)) (== netcoreapp2.0)
      System.Reflection.Primitives (>= 4.3) - restriction: || (&& (== net462) (>= dnxcore50)) (&& (== net462) (< net46)) (== netcoreapp2.0)
      System.Reflection.TypeExtensions (>= 4.3)
      System.Resources.ResourceManager (>= 4.3) - restriction: || (&& (== net462) (>= dnxcore50)) (&& (== net462) (< net46)) (== netcoreapp2.0)
      System.Runtime (>= 4.3) - restriction: || (&& (== net462) (>= dnxcore50)) (&& (== net462) (< net46)) (== netcoreapp2.0)
      System.Runtime.Extensions (>= 4.3) - restriction: || (&& (== net462) (>= dnxcore50)) (&& (== net462) (< net46)) (== netcoreapp2.0)
      System.Runtime.Serialization.Primitives (>= 4.3)
      System.Text.Encoding (>= 4.3) - restriction: || (&& (== net462) (>= dnxcore50)) (&& (== net462) (< net46)) (== netcoreapp2.0)
      System.Text.Encoding.Extensions (>= 4.3) - restriction: || (&& (== net462) (>= dnxcore50)) (&& (== net462) (< net46)) (== netcoreapp2.0)
      System.Text.RegularExpressions (>= 4.3) - restriction: || (&& (== net462) (>= dnxcore50)) (&& (== net462) (< net46)) (== netcoreapp2.0)
      System.Threading (>= 4.3) - restriction: || (&& (== net462) (>= dnxcore50)) (&& (== net462) (< net46)) (== netcoreapp2.0)
      System.Threading.Tasks (>= 4.3) - restriction: || (&& (== net462) (>= dnxcore50)) (&& (== net462) (< net46)) (== netcoreapp2.0)
      System.Xml.ReaderWriter (>= 4.3) - restriction: || (&& (== net462) (>= dnxcore50)) (&& (== net462) (< net46)) (== netcoreapp2.0)
      System.Xml.XDocument (>= 4.3) - restriction: || (&& (== net462) (>= dnxcore50)) (&& (== net462) (< net46)) (== netcoreapp2.0)
      System.Xml.XmlDocument (>= 4.3)
      System.Xml.XmlSerializer (>= 4.3) - restriction: || (&& (== net462) (>= dnxcore50)) (&& (== net462) (< net46)) (== netcoreapp2.0)
    System.Reflection (4.3)
      Microsoft.NETCore.Platforms (>= 1.1) - restriction: || (&& (== net462) (>= dnxcore50)) (&& (== net462) (< net45)) (== netcoreapp2.0)
      Microsoft.NETCore.Targets (>= 1.1) - restriction: || (&& (== net462) (>= dnxcore50)) (&& (== net462) (< net45)) (== netcoreapp2.0)
      System.IO (>= 4.3) - restriction: || (&& (== net462) (>= dnxcore50)) (&& (== net462) (< net45)) (== netcoreapp2.0)
      System.Reflection.Primitives (>= 4.3) - restriction: || (&& (== net462) (>= dnxcore50)) (&& (== net462) (< net45)) (== netcoreapp2.0)
      System.Runtime (>= 4.3) - restriction: || (&& (== net462) (>= dnxcore50)) (&& (== net462) (< net45)) (== netcoreapp2.0)
    System.Reflection.Emit (4.3) - restriction: || (&& (== net462) (< net45) (>= netstandard2.0)) (== netcoreapp2.0)
      System.IO (>= 4.3) - restriction: || (&& (== net462) (< net45)) (== netcoreapp2.0)
      System.Reflection (>= 4.3) - restriction: || (&& (== net462) (< net45)) (== netcoreapp2.0)
      System.Reflection.Emit.ILGeneration (>= 4.3) - restriction: || (&& (== net462) (< net45)) (== netcoreapp2.0)
      System.Reflection.Primitives (>= 4.3) - restriction: || (&& (== net462) (< net45)) (== netcoreapp2.0)
      System.Runtime (>= 4.3) - restriction: || (&& (== net462) (< net45)) (== netcoreapp2.0)
    System.Reflection.Emit.ILGeneration (4.3) - restriction: || (&& (== net462) (< net45) (>= netstandard2.0)) (== netcoreapp2.0)
      System.Reflection (>= 4.3) - restriction: || (&& (== net462) (< net45)) (== netcoreapp2.0)
      System.Reflection.Primitives (>= 4.3) - restriction: || (&& (== net462) (< net45)) (== netcoreapp2.0)
      System.Runtime (>= 4.3) - restriction: || (&& (== net462) (< net45)) (== netcoreapp2.0)
    System.Reflection.Emit.Lightweight (4.3) - restriction: || (&& (== net462) (>= netcoreapp1.0)) (== netcoreapp2.0)
      System.Reflection (>= 4.3) - restriction: || (&& (== net462) (< net45)) (== netcoreapp2.0)
      System.Reflection.Emit.ILGeneration (>= 4.3) - restriction: || (&& (== net462) (< net45)) (== netcoreapp2.0)
      System.Reflection.Primitives (>= 4.3) - restriction: || (&& (== net462) (< net45)) (== netcoreapp2.0)
      System.Runtime (>= 4.3) - restriction: || (&& (== net462) (< net45)) (== netcoreapp2.0)
    System.Reflection.Extensions (4.3) - restriction: || (&& (== net462) (>= netcoreapp1.0)) (== netcoreapp2.0)
      Microsoft.NETCore.Platforms (>= 1.1) - restriction: || (&& (== net462) (>= dnxcore50)) (&& (== net462) (< net45)) (== netcoreapp2.0)
      Microsoft.NETCore.Targets (>= 1.1) - restriction: || (&& (== net462) (>= dnxcore50)) (&& (== net462) (< net45)) (== netcoreapp2.0)
      System.Reflection (>= 4.3) - restriction: || (&& (== net462) (>= dnxcore50)) (&& (== net462) (< net45)) (== netcoreapp2.0)
      System.Runtime (>= 4.3) - restriction: || (&& (== net462) (>= dnxcore50)) (&& (== net462) (< net45)) (== netcoreapp2.0)
    System.Reflection.Metadata (1.5)
      NETStandard.Library (>= 1.6.1) - restriction: || (== net462) (&& (== netcoreapp2.0) (< netstandard2.0))
      System.Collections.Immutable (>= 1.4) - restriction: || (== net462) (&& (== netcoreapp2.0) (>= monoandroid)) (&& (== netcoreapp2.0) (>= monotouch)) (&& (== netcoreapp2.0) (< netstandard1.1)) (&& (== netcoreapp2.0) (< netstandard2.0)) (&& (== netcoreapp2.0) (< portable-net45+win8)) (&& (== netcoreapp2.0) (>= xamarinios)) (&& (== netcoreapp2.0) (>= xamarinmac)) (&& (== netcoreapp2.0) (>= xamarintvos)) (&& (== netcoreapp2.0) (>= xamarinwatchos))
    System.Reflection.Primitives (4.3)
      Microsoft.NETCore.Platforms (>= 1.1) - restriction: || (&& (== net462) (>= dnxcore50)) (&& (== net462) (< net45)) (== netcoreapp2.0)
      Microsoft.NETCore.Targets (>= 1.1) - restriction: || (&& (== net462) (>= dnxcore50)) (&& (== net462) (< net45)) (== netcoreapp2.0)
      System.Runtime (>= 4.3) - restriction: || (&& (== net462) (>= dnxcore50)) (&& (== net462) (< net45)) (== netcoreapp2.0)
    System.Reflection.TypeExtensions (4.4) - restriction: || (&& (== net462) (< net45) (>= netstandard2.0)) (== netcoreapp2.0)
    System.Resources.ResourceManager (4.3) - restriction: || (&& (== net462) (>= dnxcore50) (>= netstandard2.0)) (&& (== net462) (< net45) (>= netstandard2.0)) (== netcoreapp2.0)
      Microsoft.NETCore.Platforms (>= 1.1) - restriction: || (&& (== net462) (>= dnxcore50)) (&& (== net462) (< net45)) (== netcoreapp2.0)
      Microsoft.NETCore.Targets (>= 1.1) - restriction: || (&& (== net462) (>= dnxcore50)) (&& (== net462) (< net45)) (== netcoreapp2.0)
      System.Globalization (>= 4.3) - restriction: || (&& (== net462) (>= dnxcore50)) (&& (== net462) (< net45)) (== netcoreapp2.0)
      System.Reflection (>= 4.3) - restriction: || (&& (== net462) (>= dnxcore50)) (&& (== net462) (< net45)) (== netcoreapp2.0)
      System.Runtime (>= 4.3) - restriction: || (&& (== net462) (>= dnxcore50)) (&& (== net462) (< net45)) (== netcoreapp2.0)
    System.Runtime (4.3)
      Microsoft.NETCore.Platforms (>= 1.1) - restriction: || (&& (== net462) (>= dnxcore50)) (&& (== net462) (< net45)) (== netcoreapp2.0)
      Microsoft.NETCore.Targets (>= 1.1) - restriction: || (&& (== net462) (>= dnxcore50)) (&& (== net462) (< net45)) (== netcoreapp2.0)
    System.Runtime.CompilerServices.Unsafe (4.5) - restriction: || (&& (== net462) (>= netcoreapp1.0)) (== netcoreapp2.0)
    System.Runtime.Extensions (4.3)
      Microsoft.NETCore.Platforms (>= 1.1) - restriction: || (&& (== net462) (>= dnxcore50)) (&& (== net462) (< net45)) (== netcoreapp2.0)
      Microsoft.NETCore.Targets (>= 1.1) - restriction: || (&& (== net462) (>= dnxcore50)) (&& (== net462) (< net45)) (== netcoreapp2.0)
      System.Runtime (>= 4.3) - restriction: || (&& (== net462) (>= dnxcore50)) (&& (== net462) (< net45)) (== netcoreapp2.0)
    System.Runtime.Handles (4.3) - restriction: || (&& (== net462) (>= dnxcore50) (>= netstandard2.0)) (&& (== net462) (< net45) (>= netstandard2.0)) (== netcoreapp2.0)
      Microsoft.NETCore.Platforms (>= 1.1) - restriction: || (&& (== net462) (< net46)) (== netcoreapp2.0)
      Microsoft.NETCore.Targets (>= 1.1) - restriction: || (&& (== net462) (< net46)) (== netcoreapp2.0)
      System.Runtime (>= 4.3) - restriction: || (&& (== net462) (< net46)) (== netcoreapp2.0)
    System.Runtime.InteropServices (4.3)
      Microsoft.NETCore.Platforms (>= 1.1) - restriction: || (&& (== net462) (>= dnxcore50)) (&& (== net462) (< net45)) (&& (== net462) (>= netcoreapp1.1)) (== netcoreapp2.0)
      Microsoft.NETCore.Targets (>= 1.1) - restriction: || (&& (== net462) (>= dnxcore50)) (&& (== net462) (< net45)) (&& (== net462) (>= netcoreapp1.1)) (== netcoreapp2.0)
      System.Reflection (>= 4.3) - restriction: || (&& (== net462) (>= dnxcore50)) (&& (== net462) (< net45)) (&& (== net462) (>= netcoreapp1.1)) (== netcoreapp2.0)
      System.Reflection.Primitives (>= 4.3) - restriction: || (&& (== net462) (>= dnxcore50)) (&& (== net462) (< net45)) (&& (== net462) (>= netcoreapp1.1)) (== netcoreapp2.0)
      System.Runtime (>= 4.3)
      System.Runtime.Handles (>= 4.3) - restriction: || (&& (== net462) (>= dnxcore50)) (&& (== net462) (< net45)) (&& (== net462) (>= netcoreapp1.1)) (== netcoreapp2.0)
    System.Runtime.InteropServices.RuntimeInformation (4.3) - restriction: || (&& (== net462) (>= netcoreapp1.0)) (== netcoreapp2.0)
      runtime.native.System (>= 4.3) - restriction: || (&& (== net462) (< net45)) (== netcoreapp2.0)
      System.Reflection (>= 4.3) - restriction: || (&& (== net462) (>= dnxcore50)) (&& (== net462) (< net45)) (== netcoreapp2.0)
      System.Reflection.Extensions (>= 4.3) - restriction: || (&& (== net462) (>= dnxcore50)) (&& (== net462) (< net45)) (== netcoreapp2.0)
      System.Resources.ResourceManager (>= 4.3) - restriction: || (&& (== net462) (>= dnxcore50)) (&& (== net462) (< net45)) (== netcoreapp2.0)
      System.Runtime (>= 4.3) - restriction: || (&& (== net462) (>= dnxcore50)) (&& (== net462) (< net45)) (== netcoreapp2.0)
      System.Runtime.InteropServices (>= 4.3) - restriction: || (&& (== net462) (< net45)) (== netcoreapp2.0)
      System.Threading (>= 4.3) - restriction: || (&& (== net462) (>= dnxcore50)) (&& (== net462) (< net45)) (== netcoreapp2.0)
    System.Runtime.Loader (4.3) - restriction: || (&& (== net462) (< net45) (>= netstandard2.0)) (== netcoreapp2.0)
      System.IO (>= 4.3) - restriction: == netcoreapp2.0
      System.Reflection (>= 4.3) - restriction: == netcoreapp2.0
      System.Runtime (>= 4.3) - restriction: == netcoreapp2.0
    System.Runtime.Numerics (4.3) - restriction: || (&& (== net462) (< net45) (>= netstandard2.0)) (== netcoreapp2.0)
      System.Globalization (>= 4.3) - restriction: || (&& (== net462) (>= dnxcore50)) (&& (== net462) (< net45)) (== netcoreapp2.0)
      System.Resources.ResourceManager (>= 4.3) - restriction: || (&& (== net462) (>= dnxcore50)) (&& (== net462) (< net45)) (== netcoreapp2.0)
      System.Runtime (>= 4.3) - restriction: || (&& (== net462) (>= dnxcore50)) (&& (== net462) (< net45)) (== netcoreapp2.0)
      System.Runtime.Extensions (>= 4.3) - restriction: || (&& (== net462) (>= dnxcore50)) (&& (== net462) (< net45)) (== netcoreapp2.0)
    System.Runtime.Serialization.Json (4.3) - restriction: || (&& (== net462) (>= netcoreapp1.0)) (== netcoreapp2.0)
      System.IO (>= 4.3) - restriction: || (&& (== net462) (>= dnxcore50)) (&& (== net462) (< net45)) (== netcoreapp2.0)
      System.Private.DataContractSerialization (>= 4.3) - restriction: || (&& (== net462) (>= dnxcore50)) (&& (== net462) (< net45)) (== netcoreapp2.0)
      System.Runtime (>= 4.3) - restriction: || (&& (== net462) (>= dnxcore50)) (&& (== net462) (< net45)) (== netcoreapp2.0)
    System.Runtime.Serialization.Primitives (4.3) - restriction: || (&& (== net462) (>= netcoreapp1.0)) (== netcoreapp2.0)
      System.Resources.ResourceManager (>= 4.3) - restriction: || (&& (== net462) (>= dnxcore50)) (&& (== net462) (< net45)) (== netcoreapp2.0)
      System.Runtime (>= 4.3) - restriction: || (&& (== net462) (>= dnxcore50)) (&& (== net462) (< net45)) (== netcoreapp2.0)
    System.Security.AccessControl (4.4.1) - restriction: || (&& (== net462) (>= netcoreapp1.0)) (&& (== net462) (>= netcoreapp2.0)) (== netcoreapp2.0)
      Microsoft.NETCore.Platforms (>= 2.0) - restriction: || (&& (== net462) (>= netcoreapp2.0)) (== netcoreapp2.0)
      System.Security.Principal.Windows (>= 4.4)
    System.Security.Cryptography.Algorithms (4.3.1) - restriction: || (&& (== net462) (< net45) (>= netstandard2.0)) (== netcoreapp2.0)
      Microsoft.NETCore.Platforms (>= 1.1) - restriction: || (&& (== net462) (>= dnxcore50)) (&& (== net462) (< net46) (>= netstandard1.6)) (== netcoreapp2.0)
      runtime.native.System.Security.Cryptography.Apple (>= 4.3.1) - restriction: || (&& (== net462) (< net46) (>= netstandard1.6)) (== netcoreapp2.0)
      runtime.native.System.Security.Cryptography.OpenSsl (>= 4.3.2) - restriction: || (&& (== net462) (< net46) (>= netstandard1.6)) (== netcoreapp2.0)
      System.Collections (>= 4.3) - restriction: || (&& (== net462) (< net46) (>= netstandard1.6)) (== netcoreapp2.0)
      System.IO (>= 4.3) - restriction: || (&& (== net462) (>= dnxcore50)) (&& (== net462) (< net46)) (&& (== net462) (>= net463)) (== netcoreapp2.0)
      System.Resources.ResourceManager (>= 4.3) - restriction: || (&& (== net462) (>= dnxcore50)) (&& (== net462) (< net46) (>= netstandard1.6)) (== netcoreapp2.0)
      System.Runtime (>= 4.3) - restriction: || (&& (== net462) (>= dnxcore50)) (&& (== net462) (< net46)) (&& (== net462) (>= net463)) (== netcoreapp2.0)
      System.Runtime.Extensions (>= 4.3) - restriction: || (&& (== net462) (>= dnxcore50)) (&& (== net462) (< net46) (>= netstandard1.6)) (== netcoreapp2.0)
      System.Runtime.Handles (>= 4.3) - restriction: || (&& (== net462) (>= dnxcore50)) (&& (== net462) (< net46) (>= netstandard1.6)) (== netcoreapp2.0)
      System.Runtime.InteropServices (>= 4.3) - restriction: || (&& (== net462) (>= dnxcore50)) (&& (== net462) (< net46) (>= netstandard1.6)) (== netcoreapp2.0)
      System.Runtime.Numerics (>= 4.3) - restriction: || (&& (== net462) (< net46) (>= netstandard1.6)) (== netcoreapp2.0)
      System.Security.Cryptography.Encoding (>= 4.3) - restriction: || (&& (== net462) (>= dnxcore50)) (&& (== net462) (< net46) (>= netstandard1.6)) (&& (== net462) (>= net463)) (== netcoreapp2.0)
      System.Security.Cryptography.Primitives (>= 4.3)
      System.Text.Encoding (>= 4.3) - restriction: || (&& (== net462) (>= dnxcore50)) (&& (== net462) (< net46) (>= netstandard1.6)) (== netcoreapp2.0)
    System.Security.Cryptography.Encoding (4.3) - restriction: || (&& (== net462) (>= dnxcore50) (>= netstandard2.0)) (&& (== net462) (< net45) (>= netstandard2.0)) (== netcoreapp2.0)
      Microsoft.NETCore.Platforms (>= 1.1) - restriction: || (&& (== net462) (< net46)) (== netcoreapp2.0)
      runtime.native.System.Security.Cryptography.OpenSsl (>= 4.3) - restriction: || (&& (== net462) (< net46)) (== netcoreapp2.0)
      System.Collections (>= 4.3) - restriction: || (&& (== net462) (< net46)) (== netcoreapp2.0)
      System.Collections.Concurrent (>= 4.3) - restriction: || (&& (== net462) (< net46)) (== netcoreapp2.0)
      System.Linq (>= 4.3) - restriction: || (&& (== net462) (< net46)) (== netcoreapp2.0)
      System.Resources.ResourceManager (>= 4.3) - restriction: || (&& (== net462) (< net46)) (== netcoreapp2.0)
      System.Runtime (>= 4.3) - restriction: || (&& (== net462) (< net46)) (== netcoreapp2.0)
      System.Runtime.Extensions (>= 4.3) - restriction: || (&& (== net462) (< net46)) (== netcoreapp2.0)
      System.Runtime.Handles (>= 4.3) - restriction: || (&& (== net462) (< net46)) (== netcoreapp2.0)
      System.Runtime.InteropServices (>= 4.3) - restriction: || (&& (== net462) (< net46)) (== netcoreapp2.0)
      System.Security.Cryptography.Primitives (>= 4.3) - restriction: || (&& (== net462) (< net46)) (== netcoreapp2.0)
      System.Text.Encoding (>= 4.3) - restriction: || (&& (== net462) (< net46)) (== netcoreapp2.0)
    System.Security.Cryptography.Primitives (4.3) - restriction: || (&& (== net462) (>= dnxcore50) (>= netstandard2.0)) (&& (== net462) (< net45) (>= netstandard2.0)) (== netcoreapp2.0)
      System.Diagnostics.Debug (>= 4.3) - restriction: || (&& (== net462) (< net46)) (== netcoreapp2.0)
      System.Globalization (>= 4.3) - restriction: || (&& (== net462) (< net46)) (== netcoreapp2.0)
      System.IO (>= 4.3) - restriction: || (&& (== net462) (< net46)) (== netcoreapp2.0)
      System.Resources.ResourceManager (>= 4.3) - restriction: || (&& (== net462) (< net46)) (== netcoreapp2.0)
      System.Runtime (>= 4.3) - restriction: || (&& (== net462) (< net46)) (== netcoreapp2.0)
      System.Threading (>= 4.3) - restriction: || (&& (== net462) (< net46)) (== netcoreapp2.0)
      System.Threading.Tasks (>= 4.3) - restriction: || (&& (== net462) (< net46)) (== netcoreapp2.0)
    System.Security.Principal.Windows (4.4.1) - restriction: || (&& (== net462) (>= netcoreapp1.0)) (&& (== net462) (>= netcoreapp2.0)) (== netcoreapp2.0)
      Microsoft.NETCore.Platforms (>= 2.0) - restriction: || (&& (== net462) (>= netcoreapp2.0)) (== netcoreapp2.0)
    System.Text.Encoding (4.3)
      Microsoft.NETCore.Platforms (>= 1.1) - restriction: || (&& (== net462) (>= dnxcore50)) (&& (== net462) (< net45)) (== netcoreapp2.0)
      Microsoft.NETCore.Targets (>= 1.1) - restriction: || (&& (== net462) (>= dnxcore50)) (&& (== net462) (< net45)) (== netcoreapp2.0)
      System.Runtime (>= 4.3) - restriction: || (&& (== net462) (>= dnxcore50)) (&& (== net462) (< net45)) (== netcoreapp2.0)
    System.Text.Encoding.Extensions (4.3) - restriction: || (&& (== net462) (>= netcoreapp1.0)) (== netcoreapp2.0)
      Microsoft.NETCore.Platforms (>= 1.1) - restriction: || (&& (== net462) (>= dnxcore50)) (&& (== net462) (< net45)) (== netcoreapp2.0)
      Microsoft.NETCore.Targets (>= 1.1) - restriction: || (&& (== net462) (>= dnxcore50)) (&& (== net462) (< net45)) (== netcoreapp2.0)
      System.Runtime (>= 4.3) - restriction: || (&& (== net462) (>= dnxcore50)) (&& (== net462) (< net45)) (== netcoreapp2.0)
      System.Text.Encoding (>= 4.3) - restriction: || (&& (== net462) (>= dnxcore50)) (&& (== net462) (< net45)) (== netcoreapp2.0)
    System.Text.RegularExpressions (4.3) - restriction: || (&& (== net462) (>= netcoreapp1.0)) (== netcoreapp2.0)
      System.Runtime (>= 4.3) - restriction: || (&& (== net462) (>= dnxcore50)) (&& (== net462) (< net45)) (&& (== net462) (>= netcoreapp1.1)) (== netcoreapp2.0)
    System.Threading (4.3)
      System.Runtime (>= 4.3) - restriction: || (&& (== net462) (>= dnxcore50)) (&& (== net462) (< net45)) (== netcoreapp2.0)
      System.Threading.Tasks (>= 4.3) - restriction: || (&& (== net462) (>= dnxcore50)) (&& (== net462) (< net45)) (== netcoreapp2.0)
    System.Threading.Tasks (4.3) - restriction: || (&& (== net462) (>= netcoreapp1.0)) (== netcoreapp2.0)
      Microsoft.NETCore.Platforms (>= 1.1) - restriction: || (&& (== net462) (>= dnxcore50)) (&& (== net462) (< net45)) (== netcoreapp2.0)
      Microsoft.NETCore.Targets (>= 1.1) - restriction: || (&& (== net462) (>= dnxcore50)) (&& (== net462) (< net45)) (== netcoreapp2.0)
      System.Runtime (>= 4.3) - restriction: || (&& (== net462) (>= dnxcore50)) (&& (== net462) (< net45)) (== netcoreapp2.0)
    System.Threading.Tasks.Extensions (4.5) - restriction: || (&& (== net462) (>= netcoreapp1.0)) (== netcoreapp2.0)
      System.Runtime.CompilerServices.Unsafe (>= 4.5)
    System.Threading.Thread (4.3) - restriction: || (&& (== net462) (>= netcoreapp1.0)) (== netcoreapp2.0)
      System.Runtime (>= 4.3) - restriction: || (&& (== net462) (< net46)) (== netcoreapp2.0)
    System.Threading.ThreadPool (4.3) - restriction: || (&& (== net462) (>= netcoreapp1.0)) (== netcoreapp2.0)
      System.Runtime (>= 4.3) - restriction: || (&& (== net462) (< net46)) (== netcoreapp2.0)
      System.Runtime.Handles (>= 4.3) - restriction: || (&& (== net462) (< net46)) (== netcoreapp2.0)
    System.ValueTuple (4.5)
    System.Xml.ReaderWriter (4.3.1) - restriction: || (&& (== net462) (>= netcoreapp1.0)) (== netcoreapp2.0)
      System.Collections (>= 4.3) - restriction: || (&& (== net462) (>= dnxcore50)) (&& (== net462) (< net45)) (== netcoreapp2.0)
      System.Diagnostics.Debug (>= 4.3) - restriction: || (&& (== net462) (>= dnxcore50)) (&& (== net462) (< net45)) (== netcoreapp2.0)
      System.Globalization (>= 4.3) - restriction: || (&& (== net462) (>= dnxcore50)) (&& (== net462) (< net45)) (== netcoreapp2.0)
      System.IO (>= 4.3) - restriction: || (&& (== net462) (>= dnxcore50)) (&& (== net462) (< net45)) (== netcoreapp2.0)
      System.IO.FileSystem (>= 4.3) - restriction: || (&& (== net462) (>= dnxcore50)) (&& (== net462) (< net45)) (== netcoreapp2.0)
      System.IO.FileSystem.Primitives (>= 4.3) - restriction: || (&& (== net462) (>= dnxcore50)) (&& (== net462) (< net45)) (== netcoreapp2.0)
      System.Resources.ResourceManager (>= 4.3) - restriction: || (&& (== net462) (>= dnxcore50)) (&& (== net462) (< net45)) (== netcoreapp2.0)
      System.Runtime (>= 4.3) - restriction: || (&& (== net462) (>= dnxcore50)) (&& (== net462) (< net45)) (== netcoreapp2.0)
      System.Runtime.Extensions (>= 4.3) - restriction: || (&& (== net462) (>= dnxcore50)) (&& (== net462) (< net45)) (== netcoreapp2.0)
      System.Runtime.InteropServices (>= 4.3) - restriction: || (&& (== net462) (>= dnxcore50)) (&& (== net462) (< net45)) (== netcoreapp2.0)
      System.Text.Encoding (>= 4.3) - restriction: || (&& (== net462) (>= dnxcore50)) (&& (== net462) (< net45)) (== netcoreapp2.0)
      System.Text.Encoding.Extensions (>= 4.3) - restriction: || (&& (== net462) (>= dnxcore50)) (&& (== net462) (< net45)) (== netcoreapp2.0)
      System.Text.RegularExpressions (>= 4.3) - restriction: || (&& (== net462) (>= dnxcore50)) (&& (== net462) (< net45)) (== netcoreapp2.0)
      System.Threading.Tasks (>= 4.3) - restriction: || (&& (== net462) (>= dnxcore50)) (&& (== net462) (< net45)) (== netcoreapp2.0)
      System.Threading.Tasks.Extensions (>= 4.3) - restriction: || (&& (== net462) (>= dnxcore50)) (&& (== net462) (< net45)) (== netcoreapp2.0)
    System.Xml.XDocument (4.3) - restriction: || (&& (== net462) (>= netcoreapp1.0)) (== netcoreapp2.0)
      System.Collections (>= 4.3) - restriction: || (&& (== net462) (>= dnxcore50)) (&& (== net462) (< net45)) (== netcoreapp2.0)
      System.Diagnostics.Debug (>= 4.3) - restriction: || (&& (== net462) (>= dnxcore50)) (&& (== net462) (< net45)) (== netcoreapp2.0)
      System.Diagnostics.Tools (>= 4.3) - restriction: || (&& (== net462) (>= dnxcore50)) (&& (== net462) (< net45)) (== netcoreapp2.0)
      System.Globalization (>= 4.3) - restriction: || (&& (== net462) (>= dnxcore50)) (&& (== net462) (< net45)) (== netcoreapp2.0)
      System.IO (>= 4.3) - restriction: || (&& (== net462) (>= dnxcore50)) (&& (== net462) (< net45)) (== netcoreapp2.0)
      System.Reflection (>= 4.3) - restriction: || (&& (== net462) (>= dnxcore50)) (&& (== net462) (< net45)) (== netcoreapp2.0)
      System.Resources.ResourceManager (>= 4.3) - restriction: || (&& (== net462) (>= dnxcore50)) (&& (== net462) (< net45)) (== netcoreapp2.0)
      System.Runtime (>= 4.3) - restriction: || (&& (== net462) (>= dnxcore50)) (&& (== net462) (< net45)) (== netcoreapp2.0)
      System.Runtime.Extensions (>= 4.3) - restriction: || (&& (== net462) (>= dnxcore50)) (&& (== net462) (< net45)) (== netcoreapp2.0)
      System.Text.Encoding (>= 4.3) - restriction: || (&& (== net462) (>= dnxcore50)) (&& (== net462) (< net45)) (== netcoreapp2.0)
      System.Threading (>= 4.3) - restriction: || (&& (== net462) (>= dnxcore50)) (&& (== net462) (< net45)) (== netcoreapp2.0)
      System.Xml.ReaderWriter (>= 4.3) - restriction: || (&& (== net462) (>= dnxcore50)) (&& (== net462) (< net45)) (== netcoreapp2.0)
    System.Xml.XmlDocument (4.3) - restriction: || (&& (== net462) (>= netcoreapp1.0)) (== netcoreapp2.0)
      System.Collections (>= 4.3) - restriction: || (&& (== net462) (< net46)) (== netcoreapp2.0)
      System.Diagnostics.Debug (>= 4.3) - restriction: || (&& (== net462) (< net46)) (== netcoreapp2.0)
      System.Globalization (>= 4.3) - restriction: || (&& (== net462) (< net46)) (== netcoreapp2.0)
      System.IO (>= 4.3) - restriction: || (&& (== net462) (< net46)) (== netcoreapp2.0)
      System.Resources.ResourceManager (>= 4.3) - restriction: || (&& (== net462) (< net46)) (== netcoreapp2.0)
      System.Runtime (>= 4.3) - restriction: || (&& (== net462) (< net46)) (== netcoreapp2.0)
      System.Runtime.Extensions (>= 4.3) - restriction: || (&& (== net462) (< net46)) (== netcoreapp2.0)
      System.Text.Encoding (>= 4.3) - restriction: || (&& (== net462) (< net46)) (== netcoreapp2.0)
      System.Threading (>= 4.3) - restriction: || (&& (== net462) (< net46)) (== netcoreapp2.0)
      System.Xml.ReaderWriter (>= 4.3) - restriction: || (&& (== net462) (< net46)) (== netcoreapp2.0)
    System.Xml.XmlSerializer (4.3) - restriction: || (&& (== net462) (>= netcoreapp1.0)) (== netcoreapp2.0)
      System.Collections (>= 4.3) - restriction: || (&& (== net462) (>= dnxcore50)) (&& (== net462) (< net45)) (== netcoreapp2.0)
      System.Globalization (>= 4.3) - restriction: || (&& (== net462) (>= dnxcore50)) (&& (== net462) (< net45)) (== netcoreapp2.0)
      System.IO (>= 4.3) - restriction: || (&& (== net462) (>= dnxcore50)) (&& (== net462) (< net45)) (== netcoreapp2.0)
      System.Linq (>= 4.3) - restriction: || (&& (== net462) (>= dnxcore50)) (&& (== net462) (< net45)) (== netcoreapp2.0)
      System.Reflection (>= 4.3) - restriction: || (&& (== net462) (>= dnxcore50)) (&& (== net462) (< net45)) (== netcoreapp2.0)
      System.Reflection.Emit (>= 4.3) - restriction: || (&& (== net462) (>= dnxcore50)) (&& (== net462) (< net45)) (== netcoreapp2.0)
      System.Reflection.Emit.ILGeneration (>= 4.3) - restriction: || (&& (== net462) (>= dnxcore50)) (&& (== net462) (< net45)) (== netcoreapp2.0)
      System.Reflection.Extensions (>= 4.3) - restriction: || (&& (== net462) (>= dnxcore50)) (&& (== net462) (< net45)) (== netcoreapp2.0)
      System.Reflection.Primitives (>= 4.3) - restriction: || (&& (== net462) (>= dnxcore50)) (&& (== net462) (< net45)) (== netcoreapp2.0)
      System.Reflection.TypeExtensions (>= 4.3) - restriction: || (&& (== net462) (>= dnxcore50)) (&& (== net462) (< net45)) (== netcoreapp2.0)
      System.Resources.ResourceManager (>= 4.3) - restriction: || (&& (== net462) (>= dnxcore50)) (&& (== net462) (< net45)) (== netcoreapp2.0)
      System.Runtime (>= 4.3) - restriction: || (&& (== net462) (>= dnxcore50)) (&& (== net462) (< net45)) (== netcoreapp2.0)
      System.Runtime.Extensions (>= 4.3) - restriction: || (&& (== net462) (>= dnxcore50)) (&& (== net462) (< net45)) (== netcoreapp2.0)
      System.Text.RegularExpressions (>= 4.3) - restriction: || (&& (== net462) (>= dnxcore50)) (&& (== net462) (< net45)) (== netcoreapp2.0)
      System.Threading (>= 4.3) - restriction: || (&& (== net462) (>= dnxcore50)) (&& (== net462) (< net45)) (== netcoreapp2.0)
      System.Xml.ReaderWriter (>= 4.3) - restriction: || (&& (== net462) (>= dnxcore50)) (&& (== net462) (< net45)) (== netcoreapp2.0)
      System.Xml.XmlDocument (>= 4.3) - restriction: || (&& (== net462) (>= dnxcore50)) (&& (== net462) (< net45)) (== netcoreapp2.0)
    System.Xml.XPath (4.3) - restriction: || (&& (== net462) (>= netcoreapp1.0)) (== netcoreapp2.0)
      System.Collections (>= 4.3) - restriction: || (&& (== net462) (< net46)) (== netcoreapp2.0)
      System.Diagnostics.Debug (>= 4.3) - restriction: || (&& (== net462) (< net46)) (== netcoreapp2.0)
      System.Globalization (>= 4.3) - restriction: || (&& (== net462) (< net46)) (== netcoreapp2.0)
      System.IO (>= 4.3) - restriction: || (&& (== net462) (< net46)) (== netcoreapp2.0)
      System.Resources.ResourceManager (>= 4.3) - restriction: || (&& (== net462) (< net46)) (== netcoreapp2.0)
      System.Runtime (>= 4.3) - restriction: || (&& (== net462) (< net46)) (== netcoreapp2.0)
      System.Runtime.Extensions (>= 4.3) - restriction: || (&& (== net462) (< net46)) (== netcoreapp2.0)
      System.Threading (>= 4.3) - restriction: || (&& (== net462) (< net46)) (== netcoreapp2.0)
      System.Xml.ReaderWriter (>= 4.3) - restriction: || (&& (== net462) (< net46)) (== netcoreapp2.0)
    System.Xml.XPath.XmlDocument (4.3) - restriction: || (&& (== net462) (>= netcoreapp1.0)) (== netcoreapp2.0)
      System.Collections (>= 4.3) - restriction: || (&& (== net462) (< net46)) (== netcoreapp2.0)
      System.Globalization (>= 4.3) - restriction: || (&& (== net462) (< net46)) (== netcoreapp2.0)
      System.IO (>= 4.3) - restriction: || (&& (== net462) (< net46)) (== netcoreapp2.0)
      System.Resources.ResourceManager (>= 4.3) - restriction: || (&& (== net462) (< net46)) (== netcoreapp2.0)
      System.Runtime (>= 4.3) - restriction: || (&& (== net462) (< net46)) (== netcoreapp2.0)
      System.Runtime.Extensions (>= 4.3) - restriction: || (&& (== net462) (< net46)) (== netcoreapp2.0)
      System.Threading (>= 4.3) - restriction: || (&& (== net462) (< net46)) (== netcoreapp2.0)
      System.Xml.ReaderWriter (>= 4.3) - restriction: || (&& (== net462) (< net46)) (== netcoreapp2.0)
      System.Xml.XmlDocument (>= 4.3)
      System.Xml.XPath (>= 4.3)
  remote: https://ci.appveyor.com/nuget/fsharp-formatting
    FSharp.Formatting (3.0.0-beta11)
      FSharp.Compiler.Service (>= 22.0.3 < 23.0)
      Microsoft.AspNet.Razor (>= 3.2.4 < 4.0)
      System.ValueTuple (>= 4.4 < 5.0)
